NUGET
  remote: https://www.nuget.org/api/v2
  specs:
    FAKE (4.45.1)
    FakeItEasy (2.3.1)
    FluentAssertions (4.17.0)
      NETStandard.Library (>= 1.6.0)
      System.Reflection.TypeExtensions (>= 4.1.0)
    Microsoft.NETCore.Platforms (1.1.0)
    Microsoft.NETCore.Targets (1.1.0)
    Microsoft.Win32.Primitives (4.3.0)
      Microsoft.NETCore.Platforms (>= 1.1.0)
      Microsoft.NETCore.Targets (>= 1.1.0)
      System.Runtime (>= 4.3.0)
    NETStandard.Library (1.6.1)
      Microsoft.NETCore.Platforms (>= 1.1.0)
      Microsoft.Win32.Primitives (>= 4.3.0)
      System.AppContext (>= 4.3.0)
      System.Collections (>= 4.3.0)
      System.Collections.Concurrent (>= 4.3.0)
      System.Console (>= 4.3.0)
      System.Diagnostics.Debug (>= 4.3.0)
      System.Diagnostics.Tools (>= 4.3.0)
      System.Diagnostics.Tracing (>= 4.3.0)
      System.Globalization (>= 4.3.0)
      System.Globalization.Calendars (>= 4.3.0)
      System.IO (>= 4.3.0)
      System.IO.Compression (>= 4.3.0)
      System.IO.Compression.ZipFile (>= 4.3.0)
      System.IO.FileSystem (>= 4.3.0)
      System.IO.FileSystem.Primitives (>= 4.3.0)
      System.Linq (>= 4.3.0)
      System.Linq.Expressions (>= 4.3.0)
      System.Net.Http (>= 4.3.0)
      System.Net.Primitives (>= 4.3.0)
      System.Net.Sockets (>= 4.3.0)
      System.ObjectModel (>= 4.3.0)
      System.Reflection (>= 4.3.0)
      System.Reflection.Extensions (>= 4.3.0)
      System.Reflection.Primitives (>= 4.3.0)
      System.Resources.ResourceManager (>= 4.3.0)
      System.Runtime (>= 4.3.0)
      System.Runtime.Extensions (>= 4.3.0)
      System.Runtime.Handles (>= 4.3.0)
      System.Runtime.InteropServices (>= 4.3.0)
      System.Runtime.InteropServices.RuntimeInformation (>= 4.3.0)
      System.Runtime.Numerics (>= 4.3.0)
      System.Security.Cryptography.Algorithms (>= 4.3.0)
      System.Security.Cryptography.Encoding (>= 4.3.0)
      System.Security.Cryptography.Primitives (>= 4.3.0)
      System.Security.Cryptography.X509Certificates (>= 4.3.0)
      System.Text.Encoding (>= 4.3.0)
      System.Text.Encoding.Extensions (>= 4.3.0)
      System.Text.RegularExpressions (>= 4.3.0)
      System.Threading (>= 4.3.0)
      System.Threading.Tasks (>= 4.3.0)
      System.Threading.Timer (>= 4.3.0)
      System.Xml.ReaderWriter (>= 4.3.0)
      System.Xml.XDocument (>= 4.3.0)
    NUnit (3.5.0)
    NUnit.ConsoleRunner (3.5.0)
    NUnit.Extension.NUnitProjectLoader (3.5.0)
    NUnit.Extension.NUnitV2Driver (3.5.0)
    NUnit.Extension.NUnitV2ResultWriter (3.5.0)
    NUnit.Extension.TeamCityEventListener (1.0.2)
    NUnit.Extension.VSProjectLoader (3.5.0)
    NUnit.Runners (3.5.0)
      NUnit.ConsoleRunner (>= 3.5.0)
      NUnit.Extension.NUnitProjectLoader (>= 3.5.0)
      NUnit.Extension.NUnitV2Driver (>= 3.5.0)
      NUnit.Extension.NUnitV2ResultWriter (>= 3.5.0)
      NUnit.Extension.TeamCityEventListener (>= 1.0.2)
      NUnit.Extension.VSProjectLoader (>= 3.5.0)
    runtime.debian.8-x64.runtime.native.System.Security.Cryptography.OpenSsl (4.3.0)
    runtime.fedora.23-x64.runtime.native.System.Security.Cryptography.OpenSsl (4.3.0)
    runtime.fedora.24-x64.runtime.native.System.Security.Cryptography.OpenSsl (4.3.0)
    runtime.native.System (4.3.0)
      Microsoft.NETCore.Platforms (>= 1.1.0)
      Microsoft.NETCore.Targets (>= 1.1.0)
    runtime.native.System.IO.Compression (4.3.0)
      Microsoft.NETCore.Platforms (>= 1.1.0)
      Microsoft.NETCore.Targets (>= 1.1.0)
    runtime.native.System.Net.Http (4.3.0)
      Microsoft.NETCore.Platforms (>= 1.1.0)
      Microsoft.NETCore.Targets (>= 1.1.0)
    runtime.native.System.Security.Cryptography.Apple (4.3.0)
      runtime.osx.10.10-x64.runtime.native.System.Security.Cryptography.Apple (>= 4.3.0)
    runtime.native.System.Security.Cryptography.OpenSsl (4.3.0)
      runtime.debian.8-x64.runtime.native.System.Security.Cryptography.OpenSsl (>= 4.3.0)
      runtime.fedora.23-x64.runtime.native.System.Security.Cryptography.OpenSsl (>= 4.3.0)
      runtime.fedora.24-x64.runtime.native.System.Security.Cryptography.OpenSsl (>= 4.3.0)
      runtime.opensuse.13.2-x64.runtime.native.System.Security.Cryptography.OpenSsl (>= 4.3.0)
      runtime.opensuse.42.1-x64.runtime.native.System.Security.Cryptography.OpenSsl (>= 4.3.0)
      runtime.osx.10.10-x64.runtime.native.System.Security.Cryptography.OpenSsl (>= 4.3.0)
      runtime.rhel.7-x64.runtime.native.System.Security.Cryptography.OpenSsl (>= 4.3.0)
      runtime.ubuntu.14.04-x64.runtime.native.System.Security.Cryptography.OpenSsl (>= 4.3.0)
      runtime.ubuntu.16.04-x64.runtime.native.System.Security.Cryptography.OpenSsl (>= 4.3.0)
      runtime.ubuntu.16.10-x64.runtime.native.System.Security.Cryptography.OpenSsl (>= 4.3.0)
    runtime.opensuse.13.2-x64.runtime.native.System.Security.Cryptography.OpenSsl (4.3.0)
    runtime.opensuse.42.1-x64.runtime.native.System.Security.Cryptography.OpenSsl (4.3.0)
    runtime.osx.10.10-x64.runtime.native.System.Security.Cryptography.Apple (4.3.0)
    runtime.osx.10.10-x64.runtime.native.System.Security.Cryptography.OpenSsl (4.3.0)
    runtime.rhel.7-x64.runtime.native.System.Security.Cryptography.OpenSsl (4.3.0)
    runtime.ubuntu.14.04-x64.runtime.native.System.Security.Cryptography.OpenSsl (4.3.0)
    runtime.ubuntu.16.04-x64.runtime.native.System.Security.Cryptography.OpenSsl (4.3.0)
    runtime.ubuntu.16.10-x64.runtime.native.System.Security.Cryptography.OpenSsl (4.3.0)
    System.AppContext (4.3.0)
      System.Collections (>= 4.3.0) - framework: dnxcore50
      System.Resources.ResourceManager (>= 4.3.0) - framework: dnxcore50
      System.Runtime (>= 4.3.0)
      System.Threading (>= 4.3.0) - framework: dnxcore50
    System.Buffers (4.3.0)
      System.Diagnostics.Debug (>= 4.3.0)
      System.Diagnostics.Tracing (>= 4.3.0)
      System.Resources.ResourceManager (>= 4.3.0)
      System.Runtime (>= 4.3.0)
      System.Threading (>= 4.3.0)
    System.Collections (4.3.0)
      Microsoft.NETCore.Platforms (>= 1.1.0)
      Microsoft.NETCore.Targets (>= 1.1.0)
      System.Runtime (>= 4.3.0)
    System.Collections.Concurrent (4.3.0)
      System.Collections (>= 4.3.0)
      System.Diagnostics.Debug (>= 4.3.0)
      System.Diagnostics.Tracing (>= 4.3.0)
      System.Globalization (>= 4.3.0)
      System.Reflection (>= 4.3.0)
      System.Resources.ResourceManager (>= 4.3.0)
      System.Runtime (>= 4.3.0)
      System.Runtime.Extensions (>= 4.3.0)
      System.Threading (>= 4.3.0)
      System.Threading.Tasks (>= 4.3.0)
    System.ComponentModel (4.3.0)
      System.Runtime (>= 4.3.0)
    System.Console (4.3.0)
      Microsoft.NETCore.Platforms (>= 1.1.0)
      Microsoft.NETCore.Targets (>= 1.1.0)
      System.IO (>= 4.3.0)
      System.Runtime (>= 4.3.0)
      System.Text.Encoding (>= 4.3.0)
    System.Diagnostics.Contracts (4.3.0)
      System.Runtime (>= 4.3.0)
    System.Diagnostics.Debug (4.3.0)
      Microsoft.NETCore.Platforms (>= 1.1.0)
      Microsoft.NETCore.Targets (>= 1.1.0)
      System.Runtime (>= 4.3.0)
    System.Diagnostics.DiagnosticSource (4.3.0)
      System.Collections (>= 4.3.0)
      System.Diagnostics.Tracing (>= 4.3.0)
      System.Reflection (>= 4.3.0)
      System.Runtime (>= 4.3.0)
      System.Threading (>= 4.3.0)
    System.Diagnostics.Tools (4.3.0)
      Microsoft.NETCore.Platforms (>= 1.1.0)
      Microsoft.NETCore.Targets (>= 1.1.0)
      System.Runtime (>= 4.3.0)
    System.Diagnostics.Tracing (4.3.0)
      Microsoft.NETCore.Platforms (>= 1.1.0)
      Microsoft.NETCore.Targets (>= 1.1.0)
      System.Runtime (>= 4.3.0)
    System.Dynamic.Runtime (4.3.0)
      System.Collections (>= 4.3.0)
      System.Diagnostics.Debug (>= 4.3.0)
      System.Globalization (>= 4.3.0) - framework: dnxcore50
      System.Linq (>= 4.3.0)
      System.Linq.Expressions (>= 4.3.0)
      System.ObjectModel (>= 4.3.0)
      System.Reflection (>= 4.3.0)
      System.Reflection.Emit (>= 4.3.0)
      System.Reflection.Emit.ILGeneration (>= 4.3.0)
      System.Reflection.Primitives (>= 4.3.0)
      System.Reflection.TypeExtensions (>= 4.3.0)
      System.Resources.ResourceManager (>= 4.3.0)
      System.Runtime (>= 4.3.0)
      System.Runtime.Extensions (>= 4.3.0)
      System.Threading (>= 4.3.0)
    System.Globalization (4.3.0)
      Microsoft.NETCore.Platforms (>= 1.1.0)
      Microsoft.NETCore.Targets (>= 1.1.0)
      System.Runtime (>= 4.3.0)
    System.Globalization.Calendars (4.3.0)
      Microsoft.NETCore.Platforms (>= 1.1.0)
      Microsoft.NETCore.Targets (>= 1.1.0)
      System.Globalization (>= 4.3.0)
      System.Runtime (>= 4.3.0)
    System.Globalization.Extensions (4.3.0)
      Microsoft.NETCore.Platforms (>= 1.1.0)
      System.Globalization (>= 4.3.0)
      System.Resources.ResourceManager (>= 4.3.0)
      System.Runtime (>= 4.3.0)
      System.Runtime.Extensions (>= 4.3.0)
      System.Runtime.InteropServices (>= 4.3.0)
    System.IO (4.3.0)
      Microsoft.NETCore.Platforms (>= 1.1.0)
      Microsoft.NETCore.Targets (>= 1.1.0)
      System.Runtime (>= 4.3.0)
      System.Text.Encoding (>= 4.3.0)
      System.Threading.Tasks (>= 4.3.0)
    System.IO.Compression (4.3.0)
      Microsoft.NETCore.Platforms (>= 1.1.0)
      runtime.native.System (>= 4.3.0)
      runtime.native.System.IO.Compression (>= 4.3.0)
      System.Buffers (>= 4.3.0)
      System.Collections (>= 4.3.0)
      System.Diagnostics.Debug (>= 4.3.0)
      System.IO (>= 4.3.0)
      System.Resources.ResourceManager (>= 4.3.0)
      System.Runtime (>= 4.3.0)
      System.Runtime.Extensions (>= 4.3.0)
      System.Runtime.Handles (>= 4.3.0)
      System.Runtime.InteropServices (>= 4.3.0)
      System.Text.Encoding (>= 4.3.0)
      System.Threading (>= 4.3.0)
      System.Threading.Tasks (>= 4.3.0)
    System.IO.Compression.ZipFile (4.3.0)
      System.Buffers (>= 4.3.0)
      System.IO (>= 4.3.0)
      System.IO.Compression (>= 4.3.0)
      System.IO.FileSystem (>= 4.3.0)
      System.IO.FileSystem.Primitives (>= 4.3.0)
      System.Resources.ResourceManager (>= 4.3.0)
      System.Runtime (>= 4.3.0)
      System.Runtime.Extensions (>= 4.3.0)
      System.Text.Encoding (>= 4.3.0)
    System.IO.FileSystem (4.3.0)
      Microsoft.NETCore.Platforms (>= 1.1.0)
      Microsoft.NETCore.Targets (>= 1.1.0)
      System.IO (>= 4.3.0)
      System.IO.FileSystem.Primitives (>= 4.3.0)
      System.Runtime (>= 4.3.0)
      System.Runtime.Handles (>= 4.3.0)
      System.Text.Encoding (>= 4.3.0)
      System.Threading.Tasks (>= 4.3.0)
    System.IO.FileSystem.Primitives (4.3.0)
      System.Runtime (>= 4.3.0)
    System.Linq (4.3.0)
      System.Collections (>= 4.3.0)
      System.Diagnostics.Debug (>= 4.3.0)
      System.Resources.ResourceManager (>= 4.3.0)
      System.Runtime (>= 4.3.0)
      System.Runtime.Extensions (>= 4.3.0)
    System.Linq.Expressions (4.3.0)
      System.Collections (>= 4.3.0)
      System.Diagnostics.Debug (>= 4.3.0)
      System.Globalization (>= 4.3.0)
      System.IO (>= 4.3.0)
      System.Linq (>= 4.3.0)
      System.ObjectModel (>= 4.3.0)
      System.Reflection (>= 4.3.0)
      System.Reflection.Emit (>= 4.3.0)
      System.Reflection.Emit.ILGeneration (>= 4.3.0)
      System.Reflection.Emit.Lightweight (>= 4.3.0)
      System.Reflection.Extensions (>= 4.3.0)
      System.Reflection.Primitives (>= 4.3.0)
      System.Reflection.TypeExtensions (>= 4.3.0)
      System.Resources.ResourceManager (>= 4.3.0)
      System.Runtime (>= 4.3.0)
      System.Runtime.Extensions (>= 4.3.0)
      System.Threading (>= 4.3.0)
    System.Net.Http (4.3.0)
      Microsoft.NETCore.Platforms (>= 1.1.0)
      Microsoft.Win32.Primitives (>= 4.3.0)
      runtime.native.System (>= 4.3.0)
      runtime.native.System.Net.Http (>= 4.3.0)
      runtime.native.System.Security.Cryptography.OpenSsl (>= 4.3.0)
      System.Collections (>= 4.3.0)
      System.Diagnostics.Debug (>= 4.3.0)
      System.Diagnostics.DiagnosticSource (>= 4.3.0)
      System.Diagnostics.Tracing (>= 4.3.0)
      System.Globalization (>= 4.3.0)
      System.Globalization.Extensions (>= 4.3.0)
      System.IO (>= 4.3.0)
      System.IO.Compression (>= 4.3.0)
      System.IO.FileSystem (>= 4.3.0)
      System.Net.Primitives (>= 4.3.0)
      System.Resources.ResourceManager (>= 4.3.0)
      System.Runtime (>= 4.3.0)
      System.Runtime.Extensions (>= 4.3.0)
      System.Runtime.Handles (>= 4.3.0)
      System.Runtime.InteropServices (>= 4.3.0)
      System.Runtime.WindowsRuntime (>= 4.3.0) - framework: dnxcore50
      System.Security.Cryptography.Algorithms (>= 4.3.0)
      System.Security.Cryptography.Encoding (>= 4.3.0)
      System.Security.Cryptography.OpenSsl (>= 4.3.0)
      System.Security.Cryptography.Primitives (>= 4.3.0)
      System.Security.Cryptography.X509Certificates (>= 4.3.0)
      System.Text.Encoding (>= 4.3.0)
      System.Text.Encoding.Extensions (>= 4.3.0) - framework: dnxcore50
      System.Threading (>= 4.3.0)
      System.Threading.Tasks (>= 4.3.0)
    System.Net.Primitives (4.3.0)
      Microsoft.NETCore.Platforms (>= 1.1.0)
      Microsoft.NETCore.Targets (>= 1.1.0)
      System.Runtime (>= 4.3.0)
      System.Runtime.Handles (>= 4.3.0)
    System.Net.Sockets (4.3.0)
      Microsoft.NETCore.Platforms (>= 1.1.0)
      Microsoft.NETCore.Targets (>= 1.1.0)
      System.IO (>= 4.3.0)
      System.Net.Primitives (>= 4.3.0)
      System.Runtime (>= 4.3.0)
      System.Threading.Tasks (>= 4.3.0)
    System.ObjectModel (4.3.0)
      System.Collections (>= 4.3.0)
      System.Diagnostics.Debug (>= 4.3.0)
      System.Resources.ResourceManager (>= 4.3.0)
      System.Runtime (>= 4.3.0)
      System.Threading (>= 4.3.0)
    System.Reactive (3.1.0)
      System.Reactive.PlatformServices (>= 3.1.0)
      System.Reactive.Windows.Threading (>= 3.1.0)
      System.Reactive.WindowsRuntime (>= 3.1.0)
    System.Reactive.Core (3.1.0)
      System.ComponentModel (>= 4.0.1)
      System.Diagnostics.Contracts (>= 4.0.1)
      System.Dynamic.Runtime (>= 4.0.11)
      System.Reactive.Interfaces (>= 3.1.0)
      System.Threading.Thread (>= 4.0.0)
      System.Threading.ThreadPool (>= 4.0.10)
    System.Reactive.Interfaces (3.1.0)
      NETStandard.Library (>= 1.6.0)
    System.Reactive.Linq (3.1.0)
      System.Reactive.Core (>= 3.1.0)
      System.Runtime.InteropServices.WindowsRuntime (>= 4.0.1)
    System.Reactive.PlatformServices (3.1.0)
      System.Reactive.Linq (>= 3.1.0)
    System.Reactive.Windows.Threading (3.1.0)
      System.Reactive.Core (>= 3.1.0)
    System.Reactive.WindowsRuntime (3.1.0)
      System.Reactive.Linq (>= 3.1.0)
    System.Reflection (4.3.0)
      Microsoft.NETCore.Platforms (>= 1.1.0)
      Microsoft.NETCore.Targets (>= 1.1.0)
      System.IO (>= 4.3.0)
      System.Reflection.Primitives (>= 4.3.0)
      System.Runtime (>= 4.3.0)
    System.Reflection.Emit (4.3.0)
      System.IO (>= 4.3.0)
      System.Reflection (>= 4.3.0)
      System.Reflection.Emit.ILGeneration (>= 4.3.0)
      System.Reflection.Primitives (>= 4.3.0)
      System.Runtime (>= 4.3.0)
    System.Reflection.Emit.ILGeneration (4.3.0)
      System.Reflection (>= 4.3.0)
      System.Reflection.Primitives (>= 4.3.0)
      System.Runtime (>= 4.3.0)
    System.Reflection.Emit.Lightweight (4.3.0)
      System.Reflection (>= 4.3.0)
      System.Reflection.Emit.ILGeneration (>= 4.3.0)
      System.Reflection.Primitives (>= 4.3.0)
      System.Runtime (>= 4.3.0)
    System.Reflection.Extensions (4.3.0)
      Microsoft.NETCore.Platforms (>= 1.1.0)
      Microsoft.NETCore.Targets (>= 1.1.0)
      System.Reflection (>= 4.3.0)
      System.Runtime (>= 4.3.0)
    System.Reflection.Primitives (4.3.0)
      Microsoft.NETCore.Platforms (>= 1.1.0)
      Microsoft.NETCore.Targets (>= 1.1.0)
      System.Runtime (>= 4.3.0)
    System.Reflection.TypeExtensions (4.3.0)
      System.Diagnostics.Contracts (>= 4.3.0) - framework: dnxcore50
      System.Diagnostics.Debug (>= 4.3.0) - framework: dnxcore50
      System.Linq (>= 4.3.0) - framework: dnxcore50
      System.Reflection (>= 4.3.0)
      System.Reflection.Primitives (>= 4.3.0) - framework: dnxcore50
      System.Resources.ResourceManager (>= 4.3.0) - framework: dnxcore50
      System.Runtime (>= 4.3.0)
      System.Runtime.Extensions (>= 4.3.0) - framework: dnxcore50
    System.Resources.ResourceManager (4.3.0)
      Microsoft.NETCore.Platforms (>= 1.1.0)
      Microsoft.NETCore.Targets (>= 1.1.0)
      System.Globalization (>= 4.3.0)
      System.Reflection (>= 4.3.0)
      System.Runtime (>= 4.3.0)
    System.Runtime (4.3.0)
      Microsoft.NETCore.Platforms (>= 1.1.0)
      Microsoft.NETCore.Targets (>= 1.1.0)
    System.Runtime.Extensions (4.3.0)
      Microsoft.NETCore.Platforms (>= 1.1.0)
      Microsoft.NETCore.Targets (>= 1.1.0)
      System.Runtime (>= 4.3.0)
    System.Runtime.Handles (4.3.0)
      Microsoft.NETCore.Platforms (>= 1.1.0)
      Microsoft.NETCore.Targets (>= 1.1.0)
      System.Runtime (>= 4.3.0)
    System.Runtime.InteropServices (4.3.0)
      Microsoft.NETCore.Platforms (>= 1.1.0)
      Microsoft.NETCore.Targets (>= 1.1.0)
      System.Reflection (>= 4.3.0)
      System.Reflection.Primitives (>= 4.3.0)
      System.Runtime (>= 4.3.0)
      System.Runtime.Handles (>= 4.3.0)
    System.Runtime.InteropServices.RuntimeInformation (4.3.0)
      Microsoft.NETCore.Platforms (>= 1.1.0) - framework: dnxcore50
      runtime.native.System (>= 4.3.0)
      System.Reflection (>= 4.3.0)
      System.Reflection.Extensions (>= 4.3.0)
      System.Resources.ResourceManager (>= 4.3.0)
      System.Runtime (>= 4.3.0)
      System.Runtime.InteropServices (>= 4.3.0)
      System.Threading (>= 4.3.0)
    System.Runtime.InteropServices.WindowsRuntime (4.3.0)
      System.Runtime (>= 4.3.0)
    System.Runtime.Numerics (4.3.0)
      System.Globalization (>= 4.3.0)
      System.Resources.ResourceManager (>= 4.3.0)
      System.Runtime (>= 4.3.0)
      System.Runtime.Extensions (>= 4.3.0)
    System.Runtime.WindowsRuntime (4.3.0) - framework: dnxcore50
      Microsoft.NETCore.Platforms (>= 1.1.0)
      System.Diagnostics.Debug (>= 4.3.0) - framework: dnxcore50
      System.Globalization (>= 4.3.0) - framework: dnxcore50
      System.IO (>= 4.3.0)
      System.ObjectModel (>= 4.3.0)
      System.Resources.ResourceManager (>= 4.3.0) - framework: dnxcore50
      System.Runtime (>= 4.3.0)
      System.Runtime.Extensions (>= 4.3.0) - framework: dnxcore50
      System.Runtime.InteropServices (>= 4.3.0) - framework: dnxcore50
      System.Threading (>= 4.3.0) - framework: dnxcore50
      System.Threading.Tasks (>= 4.3.0)
    System.Security.Cryptography.Algorithms (4.3.0)
      Microsoft.NETCore.Platforms (>= 1.1.0)
      runtime.native.System.Security.Cryptography.Apple (>= 4.3.0)
      runtime.native.System.Security.Cryptography.OpenSsl (>= 4.3.0)
      System.Collections (>= 4.3.0)
      System.IO (>= 4.3.0)
      System.Resources.ResourceManager (>= 4.3.0)
      System.Runtime (>= 4.3.0)
      System.Runtime.Extensions (>= 4.3.0)
      System.Runtime.Handles (>= 4.3.0)
      System.Runtime.InteropServices (>= 4.3.0)
      System.Runtime.Numerics (>= 4.3.0)
      System.Security.Cryptography.Encoding (>= 4.3.0)
      System.Security.Cryptography.Primitives (>= 4.3.0)
      System.Text.Encoding (>= 4.3.0)
    System.Security.Cryptography.Cng (4.3.0)
      Microsoft.NETCore.Platforms (>= 1.1.0)
      System.IO (>= 4.3.0)
      System.Resources.ResourceManager (>= 4.3.0)
      System.Runtime (>= 4.3.0)
      System.Runtime.Extensions (>= 4.3.0)
      System.Runtime.Handles (>= 4.3.0)
      System.Runtime.InteropServices (>= 4.3.0)
      System.Security.Cryptography.Algorithms (>= 4.3.0)
      System.Security.Cryptography.Encoding (>= 4.3.0)
      System.Security.Cryptography.Primitives (>= 4.3.0)
      System.Text.Encoding (>= 4.3.0)
    System.Security.Cryptography.Csp (4.3.0)
      Microsoft.NETCore.Platforms (>= 1.1.0)
      System.IO (>= 4.3.0)
      System.Reflection (>= 4.3.0)
      System.Resources.ResourceManager (>= 4.3.0)
      System.Runtime (>= 4.3.0)
      System.Runtime.Extensions (>= 4.3.0)
      System.Runtime.Handles (>= 4.3.0)
      System.Runtime.InteropServices (>= 4.3.0)
      System.Security.Cryptography.Algorithms (>= 4.3.0)
      System.Security.Cryptography.Encoding (>= 4.3.0)
      System.Security.Cryptography.Primitives (>= 4.3.0)
      System.Text.Encoding (>= 4.3.0)
      System.Threading (>= 4.3.0)
    System.Security.Cryptography.Encoding (4.3.0)
      Microsoft.NETCore.Platforms (>= 1.1.0)
      runtime.native.System.Security.Cryptography.OpenSsl (>= 4.3.0)
      System.Collections (>= 4.3.0)
      System.Collections.Concurrent (>= 4.3.0)
      System.Linq (>= 4.3.0)
      System.Resources.ResourceManager (>= 4.3.0)
      System.Runtime (>= 4.3.0)
      System.Runtime.Extensions (>= 4.3.0)
      System.Runtime.Handles (>= 4.3.0)
      System.Runtime.InteropServices (>= 4.3.0)
      System.Security.Cryptography.Primitives (>= 4.3.0)
      System.Text.Encoding (>= 4.3.0)
    System.Security.Cryptography.OpenSsl (4.3.0)
      runtime.native.System.Security.Cryptography.OpenSsl (>= 4.3.0)
      System.Collections (>= 4.3.0)
      System.IO (>= 4.3.0)
      System.Resources.ResourceManager (>= 4.3.0)
      System.Runtime (>= 4.3.0)
      System.Runtime.Extensions (>= 4.3.0)
      System.Runtime.Handles (>= 4.3.0)
      System.Runtime.InteropServices (>= 4.3.0)
      System.Runtime.Numerics (>= 4.3.0)
      System.Security.Cryptography.Algorithms (>= 4.3.0)
      System.Security.Cryptography.Encoding (>= 4.3.0)
      System.Security.Cryptography.Primitives (>= 4.3.0)
      System.Text.Encoding (>= 4.3.0)
    System.Security.Cryptography.Primitives (4.3.0)
      System.Diagnostics.Debug (>= 4.3.0)
      System.Globalization (>= 4.3.0)
      System.IO (>= 4.3.0)
      System.Resources.ResourceManager (>= 4.3.0)
      System.Runtime (>= 4.3.0)
      System.Threading (>= 4.3.0)
      System.Threading.Tasks (>= 4.3.0)
    System.Security.Cryptography.X509Certificates (4.3.0)
      Microsoft.NETCore.Platforms (>= 1.1.0)
      runtime.native.System (>= 4.3.0)
      runtime.native.System.Net.Http (>= 4.3.0)
      runtime.native.System.Security.Cryptography.OpenSsl (>= 4.3.0)
      System.Collections (>= 4.3.0)
      System.Diagnostics.Debug (>= 4.3.0)
      System.Globalization (>= 4.3.0)
      System.Globalization.Calendars (>= 4.3.0)
      System.IO (>= 4.3.0)
      System.IO.FileSystem (>= 4.3.0)
      System.IO.FileSystem.Primitives (>= 4.3.0)
      System.Resources.ResourceManager (>= 4.3.0)
      System.Runtime (>= 4.3.0)
      System.Runtime.Extensions (>= 4.3.0)
      System.Runtime.Handles (>= 4.3.0)
      System.Runtime.InteropServices (>= 4.3.0)
      System.Runtime.Numerics (>= 4.3.0)
      System.Security.Cryptography.Algorithms (>= 4.3.0)
      System.Security.Cryptography.Cng (>= 4.3.0)
      System.Security.Cryptography.Csp (>= 4.3.0)
      System.Security.Cryptography.Encoding (>= 4.3.0)
      System.Security.Cryptography.OpenSsl (>= 4.3.0)
      System.Security.Cryptography.Primitives (>= 4.3.0)
      System.Text.Encoding (>= 4.3.0)
      System.Threading (>= 4.3.0)
    System.Text.Encoding (4.3.0)
      Microsoft.NETCore.Platforms (>= 1.1.0)
      Microsoft.NETCore.Targets (>= 1.1.0)
      System.Runtime (>= 4.3.0)
    System.Text.Encoding.Extensions (4.3.0)
      Microsoft.NETCore.Platforms (>= 1.1.0)
      Microsoft.NETCore.Targets (>= 1.1.0)
      System.Runtime (>= 4.3.0)
      System.Text.Encoding (>= 4.3.0)
    System.Text.RegularExpressions (4.3.0)
      System.Collections (>= 4.3.0)
      System.Globalization (>= 4.3.0)
      System.Resources.ResourceManager (>= 4.3.0)
      System.Runtime (>= 4.3.0)
      System.Runtime.Extensions (>= 4.3.0)
      System.Threading (>= 4.3.0)
    System.Threading (4.3.0)
      System.Runtime (>= 4.3.0)
      System.Threading.Tasks (>= 4.3.0)
    System.Threading.Tasks (4.3.0)
      Microsoft.NETCore.Platforms (>= 1.1.0)
      Microsoft.NETCore.Targets (>= 1.1.0)
      System.Runtime (>= 4.3.0)
    System.Threading.Tasks.Extensions (4.3.0)
      System.Collections (>= 4.3.0)
      System.Runtime (>= 4.3.0)
      System.Threading.Tasks (>= 4.3.0)
    System.Threading.Thread (4.3.0)
      System.Runtime (>= 4.3.0)
    System.Threading.ThreadPool (4.3.0)
      System.Runtime (>= 4.3.0)
      System.Runtime.Handles (>= 4.3.0)
    System.Threading.Timer (4.3.0)
      Microsoft.NETCore.Platforms (>= 1.1.0)
      Microsoft.NETCore.Targets (>= 1.1.0)
      System.Runtime (>= 4.3.0)
    System.Xml.ReaderWriter (4.3.0)
      System.Collections (>= 4.3.0)
      System.Diagnostics.Debug (>= 4.3.0)
      System.Globalization (>= 4.3.0)
      System.IO (>= 4.3.0)
      System.IO.FileSystem (>= 4.3.0)
      System.IO.FileSystem.Primitives (>= 4.3.0)
      System.Resources.ResourceManager (>= 4.3.0)
      System.Runtime (>= 4.3.0)
      System.Runtime.Extensions (>= 4.3.0)
      System.Runtime.InteropServices (>= 4.3.0)
      System.Text.Encoding (>= 4.3.0)
      System.Text.Encoding.Extensions (>= 4.3.0)
      System.Text.RegularExpressions (>= 4.3.0)
      System.Threading.Tasks (>= 4.3.0)
      System.Threading.Tasks.Extensions (>= 4.3.0)
    System.Xml.XDocument (4.3.0)
      System.Collections (>= 4.3.0)
      System.Diagnostics.Debug (>= 4.3.0)
      System.Diagnostics.Tools (>= 4.3.0)
      System.Globalization (>= 4.3.0)
      System.IO (>= 4.3.0)
      System.Reflection (>= 4.3.0)
      System.Resources.ResourceManager (>= 4.3.0)
      System.Runtime (>= 4.3.0)
      System.Runtime.Extensions (>= 4.3.0)
      System.Text.Encoding (>= 4.3.0)
      System.Threading (>= 4.3.0)
      System.Xml.ReaderWriter (>= 4.3.0)
