REDIRECTS: ON
RESTRICTION: || (== net452) (== net462) (== netstandard2.0)
NUGET
  remote: https://www.nuget.org/api/v2
    Castle.Core (4.2.1) - restriction: || (&& (== net452) (< net40) (>= netstandard1.6)) (&& (== net462) (< net40) (>= netstandard1.6)) (== netstandard2.0)
      NETStandard.Library (>= 1.6.1) - restriction: || (&& (== net452) (< net35) (>= netstandard1.3)) (&& (== net462) (< net35)) (== netstandard2.0)
      System.Collections.Specialized (>= 4.3) - restriction: || (&& (== net452) (< net35) (>= netstandard1.3)) (&& (== net462) (< net35)) (== netstandard2.0)
      System.ComponentModel (>= 4.3) - restriction: || (&& (== net452) (< net35) (>= netstandard1.3)) (&& (== net462) (< net35)) (== netstandard2.0)
      System.ComponentModel.TypeConverter (>= 4.3) - restriction: || (&& (== net452) (< net35) (>= netstandard1.3)) (&& (== net462) (< net35)) (== netstandard2.0)
      System.Diagnostics.TraceSource (>= 4.3) - restriction: || (&& (== net452) (< net35) (>= netstandard1.3)) (&& (== net462) (< net35)) (== netstandard2.0)
      System.Dynamic.Runtime (>= 4.3) - restriction: || (&& (== net452) (< net35) (>= netstandard1.3)) (&& (== net462) (< net35)) (== netstandard2.0)
      System.Reflection (>= 4.3) - restriction: || (&& (== net452) (< net35) (>= netstandard1.3)) (&& (== net462) (< net35)) (== netstandard2.0)
      System.Reflection.Emit (>= 4.3) - restriction: || (&& (== net452) (< net35) (>= netstandard1.3)) (&& (== net462) (< net35)) (== netstandard2.0)
      System.Reflection.TypeExtensions (>= 4.3) - restriction: || (&& (== net452) (< net35) (>= netstandard1.3)) (&& (== net462) (< net35)) (== netstandard2.0)
      System.Xml.XmlDocument (>= 4.3) - restriction: || (&& (== net452) (< net35) (>= netstandard1.3)) (&& (== net462) (< net35)) (== netstandard2.0)
    FAKE (4.64.4)
    FakeItEasy (4.4)
      Castle.Core (>= 4.2.1) - restriction: || (&& (== net452) (< net40) (>= netstandard1.6)) (&& (== net462) (< net40) (>= netstandard1.6)) (== netstandard2.0)
      Microsoft.Extensions.DependencyModel (>= 1.0) - restriction: || (&& (== net452) (< net40) (>= netstandard1.6)) (&& (== net462) (< net40) (>= netstandard1.6)) (== netstandard2.0)
      NETStandard.Library (>= 1.6.1) - restriction: || (&& (== net452) (< net40) (>= netstandard1.6)) (&& (== net462) (< net40) (>= netstandard1.6)) (== netstandard2.0)
      System.Collections.Concurrent (>= 4.3) - restriction: || (&& (== net452) (< net40) (>= netstandard1.6)) (&& (== net462) (< net40) (>= netstandard1.6)) (== netstandard2.0)
      System.Runtime.Loader (>= 4.0) - restriction: || (&& (== net452) (< net40) (>= netstandard1.6)) (&& (== net462) (< net40) (>= netstandard1.6)) (== netstandard2.0)
    FluentAssertions (5.1.1)
      System.Configuration.ConfigurationManager (>= 4.4) - restriction: || (&& (== net452) (< net45) (>= netstandard2.0)) (&& (== net462) (< net45) (>= netstandard2.0)) (== netstandard2.0)
      System.Reflection.Emit (>= 4.3) - restriction: || (&& (== net452) (< net45) (>= netstandard2.0)) (&& (== net462) (< net45) (>= netstandard2.0)) (== netstandard2.0)
      System.Reflection.Emit.Lightweight (>= 4.3) - restriction: || (&& (== net452) (< net45) (>= netstandard1.4)) (&& (== net452) (< net45) (>= netstandard1.6)) (&& (== net452) (< net45) (>= netstandard2.0)) (&& (== net462) (< net45)) (== netstandard2.0)
      System.ValueTuple (>= 4.3) - restriction: || (== net452) (== net462) (&& (== netstandard2.0) (< netstandard1.6))
    Microsoft.DotNet.PlatformAbstractions (2.0.4) - restriction: || (&& (== net452) (< net40) (>= netstandard1.6)) (&& (== net462) (< net40) (>= netstandard1.6)) (== netstandard2.0)
      System.AppContext (>= 4.1) - restriction: || (&& (== net452) (< net45) (>= netstandard1.3)) (&& (== net462) (< net45)) (== netstandard2.0)
      System.Collections (>= 4.0.11) - restriction: || (&& (== net452) (< net45) (>= netstandard1.3)) (&& (== net462) (< net45)) (== netstandard2.0)
      System.IO (>= 4.1) - restriction: || (&& (== net452) (< net45) (>= netstandard1.3)) (&& (== net462) (< net45)) (== netstandard2.0)
      System.IO.FileSystem (>= 4.0.1) - restriction: || (&& (== net452) (< net45) (>= netstandard1.3)) (&& (== net462) (< net45)) (== netstandard2.0)
      System.Reflection.TypeExtensions (>= 4.1) - restriction: || (&& (== net452) (< net45) (>= netstandard1.3)) (&& (== net462) (< net45)) (== netstandard2.0)
      System.Runtime.Extensions (>= 4.1) - restriction: || (&& (== net452) (< net45) (>= netstandard1.3)) (&& (== net462) (< net45)) (== netstandard2.0)
      System.Runtime.InteropServices (>= 4.1) - restriction: || (&& (== net452) (< net45) (>= netstandard1.3)) (&& (== net462) (< net45)) (== netstandard2.0)
      System.Runtime.InteropServices.RuntimeInformation (>= 4.0) - restriction: || (&& (== net452) (< net45) (>= netstandard1.3)) (&& (== net462) (< net45)) (== netstandard2.0)
    Microsoft.Extensions.DependencyModel (2.0.4) - restriction: || (&& (== net452) (< net40) (>= netstandard1.6)) (&& (== net462) (< net40) (>= netstandard1.6)) (== netstandard2.0)
      Microsoft.DotNet.PlatformAbstractions (>= 2.0.4)
      Newtonsoft.Json (>= 9.0.1)
      System.Diagnostics.Debug (>= 4.0.11) - restriction: || (&& (== net452) (< net451) (>= netstandard1.3)) (&& (== net452) (< net451) (>= netstandard1.6)) (&& (== net462) (< net451)) (== netstandard2.0)
      System.Dynamic.Runtime (>= 4.0.11) - restriction: || (&& (== net452) (< net451) (>= netstandard1.3)) (&& (== net452) (< net451) (>= netstandard1.6)) (&& (== net462) (< net451)) (== netstandard2.0)
      System.Linq (>= 4.1) - restriction: || (&& (== net452) (< net451) (>= netstandard1.3)) (&& (== net452) (< net451) (>= netstandard1.6)) (&& (== net462) (< net451)) (== netstandard2.0)
    Microsoft.NETCore.Platforms (2.0.1) - restriction: || (&& (== net452) (>= monoandroid) (>= netstandard1.6)) (&& (== net452) (>= monotouch)) (&& (== net452) (< net40) (>= netstandard1.6)) (&& (== net452) (< net40) (>= netstandard2.0)) (&& (== net452) (>= netcoreapp2.0)) (&& (== net452) (>= netstandard1.6) (>= uap10.0)) (&& (== net452) (>= netstandard1.6) (>= wpa81)) (&& (== net452) (>= xamarinios)) (&& (== net452) (>= xamarinmac)) (&& (== net452) (>= xamarintvos)) (&& (== net452) (>= xamarinwatchos)) (&& (== net462) (>= monoandroid) (>= netstandard1.6)) (&& (== net462) (>= monotouch)) (&& (== net462) (< net40) (>= netstandard1.6)) (&& (== net462) (< net40) (>= netstandard2.0)) (&& (== net462) (>= netcoreapp2.0)) (&& (== net462) (< netstandard1.3) (>= netstandard1.6) (>= wpa81)) (&& (== net462) (>= netstandard1.6) (>= uap10.0)) (&& (== net462) (>= xamarinios)) (&& (== net462) (>= xamarinmac)) (&& (== net462) (>= xamarintvos)) (&& (== net462) (>= xamarinwatchos)) (== netstandard2.0)
    Microsoft.NETCore.Targets (2.0) - restriction: || (&& (== net452) (< net40) (>= netstandard1.6)) (&& (== net462) (< net40) (>= netstandard1.6)) (== netstandard2.0)
    Microsoft.Reactive.Testing (3.1.1)
      System.Reactive.PlatformServices (>= 3.1.1)
    NETStandard.Library (2.0.1) - restriction: || (&& (== net452) (< net40) (>= netstandard1.6)) (&& (== net462) (< net40) (>= netstandard1.6)) (== netstandard2.0)
      Microsoft.NETCore.Platforms (>= 1.1)
    Newtonsoft.Json (11.0.1) - restriction: || (&& (== net452) (< net40) (>= netstandard1.6)) (&& (== net462) (< net40) (>= netstandard1.6)) (== netstandard2.0)
    NUnit (3.9)
      NETStandard.Library (>= 1.6) - restriction: || (&& (== net452) (>= monoandroid)) (&& (== net452) (< net20) (>= netstandard1.3)) (&& (== net452) (< net20) (>= netstandard1.6)) (&& (== net452) (>= uap10.0)) (&& (== net452) (>= xamarinios)) (&& (== net462) (>= monoandroid)) (&& (== net462) (< net20)) (&& (== net462) (>= uap10.0)) (&& (== net462) (>= xamarinios)) (== netstandard2.0)
      System.Runtime.Loader (>= 4.3) - restriction: || (&& (== net452) (< net20) (>= netstandard1.6)) (&& (== net462) (< net20) (>= netstandard1.6)) (== netstandard2.0)
      System.Threading.Thread (>= 4.3) - restriction: || (&& (== net452) (< net20) (>= netstandard1.6)) (&& (== net462) (< net20) (>= netstandard1.6)) (== netstandard2.0)
    NUnit.ConsoleRunner (3.8)
    NUnit.Extension.NUnitProjectLoader (3.6)
    NUnit.Extension.NUnitV2Driver (3.7)
    NUnit.Extension.NUnitV2ResultWriter (3.6)
    NUnit.Extension.TeamCityEventListener (1.0.3)
    NUnit.Extension.VSProjectLoader (3.7)
    NUnit.Runners (3.8)
      NUnit.ConsoleRunner (>= 3.8)
      NUnit.Extension.NUnitProjectLoader (>= 3.5)
      NUnit.Extension.NUnitV2Driver (>= 3.6)
      NUnit.Extension.NUnitV2ResultWriter (>= 3.5)
      NUnit.Extension.TeamCityEventListener (>= 1.0.3)
      NUnit.Extension.VSProjectLoader (>= 3.7)
    runtime.native.System (4.3) - restriction: || (&& (== net452) (< net35) (>= netstandard1.6)) (&& (== net462) (< net35) (>= netstandard1.6)) (== netstandard2.0)
      Microsoft.NETCore.Platforms (>= 1.1)
      Microsoft.NETCore.Targets (>= 1.1)
    System.AppContext (4.3) - restriction: || (&& (== net452) (< net40) (>= netstandard1.6)) (&& (== net462) (< net40) (>= netstandard1.6)) (== netstandard2.0)
      System.Runtime (>= 4.3) - restriction: || (== net452) (&& (== net462) (< net46)) (&& (== net462) (< netstandard1.3)) (== netstandard2.0)
    System.Collections (4.3) - restriction: || (&& (== net452) (< net40) (>= netstandard1.6)) (&& (== net462) (< net40) (>= netstandard1.6)) (== netstandard2.0)
      Microsoft.NETCore.Platforms (>= 1.1) - restriction: || (&& (== net452) (< net45)) (&& (== net452) (< portable-net45+win8+wp8+wpa81)) (&& (== net462) (< net45)) (&& (== net462) (< portable-net45+win8+wp8+wpa81)) (== netstandard2.0)
      Microsoft.NETCore.Targets (>= 1.1) - restriction: || (&& (== net452) (< net45)) (&& (== net452) (< portable-net45+win8+wp8+wpa81)) (&& (== net462) (< net45)) (&& (== net462) (< portable-net45+win8+wp8+wpa81)) (== netstandard2.0)
      System.Runtime (>= 4.3) - restriction: || (&& (== net452) (< net45)) (&& (== net452) (< portable-net45+win8+wp8+wpa81)) (&& (== net462) (< net45)) (&& (== net462) (< portable-net45+win8+wp8+wpa81)) (== netstandard2.0)
    System.Collections.Concurrent (4.3) - restriction: || (&& (== net452) (< net40) (>= netstandard1.6)) (&& (== net462) (< net40) (>= netstandard1.6)) (== netstandard2.0)
      System.Collections (>= 4.3) - restriction: || (&& (== net452) (< net45) (>= netstandard1.3)) (&& (== net452) (< portable-net45+win8+wpa81)) (&& (== net462) (< net45)) (&& (== net462) (< portable-net45+win8+wpa81)) (== netstandard2.0)
      System.Diagnostics.Debug (>= 4.3) - restriction: || (&& (== net452) (< net45) (>= netstandard1.3)) (&& (== net452) (< portable-net45+win8+wpa81)) (&& (== net462) (< net45)) (&& (== net462) (< portable-net45+win8+wpa81)) (== netstandard2.0)
      System.Diagnostics.Tracing (>= 4.3) - restriction: || (&& (== net452) (< net45) (>= netstandard1.3)) (&& (== net452) (< portable-net45+win8+wpa81)) (&& (== net462) (< net45)) (&& (== net462) (< portable-net45+win8+wpa81)) (== netstandard2.0)
      System.Globalization (>= 4.3) - restriction: || (&& (== net452) (< net45) (>= netstandard1.3)) (&& (== net452) (< portable-net45+win8+wpa81)) (&& (== net462) (< net45)) (&& (== net462) (< portable-net45+win8+wpa81)) (== netstandard2.0)
      System.Reflection (>= 4.3) - restriction: || (&& (== net452) (< net45) (>= netstandard1.3)) (&& (== net462) (< net45)) (== netstandard2.0)
      System.Resources.ResourceManager (>= 4.3) - restriction: || (&& (== net452) (< net45) (>= netstandard1.3)) (&& (== net452) (< portable-net45+win8+wpa81)) (&& (== net462) (< net45)) (&& (== net462) (< portable-net45+win8+wpa81)) (== netstandard2.0)
      System.Runtime (>= 4.3) - restriction: || (&& (== net452) (< net45)) (&& (== net452) (< portable-net45+win8+wpa81)) (&& (== net462) (< net45)) (&& (== net462) (< portable-net45+win8+wpa81)) (== netstandard2.0)
      System.Runtime.Extensions (>= 4.3) - restriction: || (&& (== net452) (< net45) (>= netstandard1.3)) (&& (== net452) (< portable-net45+win8+wpa81)) (&& (== net462) (< net45)) (&& (== net462) (< portable-net45+win8+wpa81)) (== netstandard2.0)
      System.Threading (>= 4.3) - restriction: || (&& (== net452) (< net45) (>= netstandard1.3)) (&& (== net452) (< portable-net45+win8+wpa81)) (&& (== net462) (< net45)) (&& (== net462) (< portable-net45+win8+wpa81)) (== netstandard2.0)
      System.Threading.Tasks (>= 4.3) - restriction: || (&& (== net452) (< net45)) (&& (== net452) (< portable-net45+win8+wpa81)) (&& (== net462) (< net45)) (&& (== net462) (< portable-net45+win8+wpa81)) (== netstandard2.0)
    System.Collections.NonGeneric (4.3) - restriction: || (&& (== net452) (< net35) (>= netstandard1.6)) (&& (== net462) (< net35) (>= netstandard1.6)) (== netstandard2.0)
      System.Diagnostics.Debug (>= 4.3) - restriction: || (&& (== net452) (== net462)) (&& (== net452) (>= netstandard1.3)) (&& (== net462) (< net46)) (== netstandard2.0)
      System.Globalization (>= 4.3) - restriction: || (&& (== net452) (== net462)) (&& (== net452) (>= netstandard1.3)) (&& (== net462) (< net46)) (== netstandard2.0)
      System.Resources.ResourceManager (>= 4.3) - restriction: || (&& (== net452) (== net462)) (&& (== net452) (>= netstandard1.3)) (&& (== net462) (< net46)) (== netstandard2.0)
      System.Runtime (>= 4.3) - restriction: || (&& (== net452) (== net462)) (&& (== net452) (>= netstandard1.3)) (&& (== net462) (< net46)) (== netstandard2.0)
      System.Runtime.Extensions (>= 4.3) - restriction: || (&& (== net452) (== net462)) (&& (== net452) (>= netstandard1.3)) (&& (== net462) (< net46)) (== netstandard2.0)
      System.Threading (>= 4.3) - restriction: || (&& (== net452) (== net462)) (&& (== net452) (>= netstandard1.3)) (&& (== net462) (< net46)) (== netstandard2.0)
    System.Collections.Specialized (4.3) - restriction: || (&& (== net452) (< net35) (>= netstandard1.6)) (&& (== net462) (< net35) (>= netstandard1.6)) (== netstandard2.0)
      System.Collections.NonGeneric (>= 4.3) - restriction: || (&& (== net452) (== net462)) (&& (== net452) (>= netstandard1.3)) (&& (== net462) (< net46)) (== netstandard2.0)
      System.Globalization (>= 4.3) - restriction: || (&& (== net452) (== net462)) (&& (== net452) (>= netstandard1.3)) (&& (== net462) (< net46)) (== netstandard2.0)
      System.Globalization.Extensions (>= 4.3) - restriction: || (&& (== net452) (== net462)) (&& (== net452) (>= netstandard1.3)) (&& (== net462) (< net46)) (== netstandard2.0)
      System.Resources.ResourceManager (>= 4.3) - restriction: || (&& (== net452) (== net462)) (&& (== net452) (>= netstandard1.3)) (&& (== net462) (< net46)) (== netstandard2.0)
      System.Runtime (>= 4.3) - restriction: || (&& (== net452) (== net462)) (&& (== net452) (>= netstandard1.3)) (&& (== net462) (< net46)) (== netstandard2.0)
      System.Runtime.Extensions (>= 4.3) - restriction: || (&& (== net452) (== net462)) (&& (== net452) (>= netstandard1.3)) (&& (== net462) (< net46)) (== netstandard2.0)
      System.Threading (>= 4.3) - restriction: || (&& (== net452) (== net462)) (&& (== net452) (>= netstandard1.3)) (&& (== net462) (< net46)) (== netstandard2.0)
    System.ComponentModel (4.3) - restriction: || (&& (== net452) (< net35) (>= netstandard1.6)) (&& (== net462) (< net35) (>= netstandard1.6)) (== netstandard2.0)
      System.Runtime (>= 4.3) - restriction: || (&& (== net452) (< net45)) (&& (== net452) (< portable-net45+win8+wp8+wpa81)) (&& (== net462) (< net45)) (&& (== net462) (< portable-net45+win8+wp8+wpa81)) (== netstandard2.0)
    System.ComponentModel.Primitives (4.3) - restriction: || (&& (== net452) (< net35) (>= netstandard1.6)) (&& (== net452) (< netstandard1.0) (>= netstandard1.6) (>= win8)) (&& (== net452) (>= netstandard1.6) (>= wp8)) (&& (== net452) (>= netstandard1.6) (>= wpa81)) (&& (== net462) (< net35) (>= netstandard1.6)) (&& (== net462) (< netstandard1.0) (>= netstandard1.6) (>= win8)) (&& (== net462) (>= netstandard1.6) (>= wp8)) (&& (== net462) (>= netstandard1.6) (>= wpa81)) (== netstandard2.0)
      System.ComponentModel (>= 4.3) - restriction: || (&& (== net452) (< net45)) (&& (== net462) (< net45)) (== netstandard2.0)
      System.Resources.ResourceManager (>= 4.3) - restriction: || (&& (== net452) (< net45)) (&& (== net462) (< net45)) (== netstandard2.0)
      System.Runtime (>= 4.3) - restriction: || (&& (== net452) (< net45)) (&& (== net462) (< net45)) (== netstandard2.0)
    System.ComponentModel.TypeConverter (4.3) - restriction: || (&& (== net452) (< net35) (>= netstandard1.6)) (&& (== net462) (< net35) (>= netstandard1.6)) (== netstandard2.0)
      System.Collections (>= 4.3) - restriction: || (&& (== net452) (< net45)) (&& (== net462) (< net45)) (== netstandard2.0)
      System.Collections.NonGeneric (>= 4.3) - restriction: || (&& (== net452) (< net45) (>= netstandard1.5)) (&& (== net452) (>= net462)) (== net462) (== netstandard2.0)
      System.Collections.Specialized (>= 4.3) - restriction: || (&& (== net452) (< net45) (>= netstandard1.5)) (&& (== net462) (< net45)) (== netstandard2.0)
      System.ComponentModel (>= 4.3) - restriction: || (&& (== net452) (< net45)) (&& (== net462) (< net45)) (== netstandard2.0)
      System.ComponentModel.Primitives (>= 4.3)
      System.Globalization (>= 4.3) - restriction: || (&& (== net452) (< net45)) (&& (== net462) (< net45)) (== netstandard2.0)
      System.Linq (>= 4.3) - restriction: || (&& (== net452) (< net45) (>= netstandard1.5)) (&& (== net462) (< net45)) (== netstandard2.0)
      System.Reflection (>= 4.3) - restriction: || (&& (== net452) (< net45)) (&& (== net462) (< net45)) (== netstandard2.0)
      System.Reflection.Extensions (>= 4.3) - restriction: || (&& (== net452) (< net45)) (&& (== net462) (< net45)) (== netstandard2.0)
      System.Reflection.Primitives (>= 4.3) - restriction: || (&& (== net452) (< net45)) (&& (== net462) (< net45)) (== netstandard2.0)
      System.Reflection.TypeExtensions (>= 4.3) - restriction: || (&& (== net452) (< net45) (>= netstandard1.5)) (&& (== net462) (< net45)) (== netstandard2.0)
      System.Resources.ResourceManager (>= 4.3) - restriction: || (&& (== net452) (< net45)) (&& (== net462) (< net45)) (== netstandard2.0)
      System.Runtime (>= 4.3) - restriction: || (&& (== net452) (< net45)) (&& (== net462) (< net45)) (== netstandard2.0)
      System.Runtime.Extensions (>= 4.3) - restriction: || (&& (== net452) (< net45)) (&& (== net462) (< net45)) (== netstandard2.0)
      System.Threading (>= 4.3) - restriction: || (&& (== net452) (< net45)) (&& (== net462) (< net45)) (== netstandard2.0)
    System.Configuration.ConfigurationManager (4.4.1) - restriction: || (&& (== net452) (< net45) (>= netstandard2.0)) (&& (== net462) (< net45) (>= netstandard2.0)) (== netstandard2.0)
      System.Security.Cryptography.ProtectedData (>= 4.4) - restriction: || (&& (== net452) (>= netcoreapp2.0)) (&& (== net452) (>= netstandard2.0)) (&& (== net462) (< net461) (>= netstandard2.0)) (&& (== net462) (>= netcoreapp2.0)) (== netstandard2.0)
    System.Diagnostics.Debug (4.3) - restriction: || (&& (== net452) (< net40) (>= netstandard1.6)) (&& (== net462) (< net40) (>= netstandard1.6)) (== netstandard2.0)
      Microsoft.NETCore.Platforms (>= 1.1) - restriction: || (&& (== net452) (< net45)) (&& (== net452) (< portable-net45+win8+wp8+wpa81)) (&& (== net462) (< net45)) (&& (== net462) (< portable-net45+win8+wp8+wpa81)) (== netstandard2.0)
      Microsoft.NETCore.Targets (>= 1.1) - restriction: || (&& (== net452) (< net45)) (&& (== net452) (< portable-net45+win8+wp8+wpa81)) (&& (== net462) (< net45)) (&& (== net462) (< portable-net45+win8+wp8+wpa81)) (== netstandard2.0)
      System.Runtime (>= 4.3) - restriction: || (&& (== net452) (< net45)) (&& (== net452) (< portable-net45+win8+wp8+wpa81)) (&& (== net462) (< net45)) (&& (== net462) (< portable-net45+win8+wp8+wpa81)) (== netstandard2.0)
    System.Diagnostics.TraceSource (4.3) - restriction: || (&& (== net452) (< net35) (>= netstandard1.6)) (&& (== net462) (< net35) (>= netstandard1.6)) (== netstandard2.0)
      Microsoft.NETCore.Platforms (>= 1.1) - restriction: || (&& (== net452) (== net462)) (&& (== net452) (>= netstandard1.3)) (&& (== net462) (< net46)) (== netstandard2.0)
      runtime.native.System (>= 4.3) - restriction: || (&& (== net452) (== net462)) (&& (== net452) (>= netstandard1.3)) (&& (== net462) (< net46)) (== netstandard2.0)
      System.Collections (>= 4.3) - restriction: || (&& (== net452) (== net462)) (&& (== net452) (>= netstandard1.3)) (&& (== net462) (< net46)) (== netstandard2.0)
      System.Diagnostics.Debug (>= 4.3) - restriction: || (&& (== net452) (== net462)) (&& (== net452) (>= netstandard1.3)) (&& (== net462) (< net46)) (== netstandard2.0)
      System.Globalization (>= 4.3) - restriction: || (&& (== net452) (== net462)) (&& (== net452) (>= netstandard1.3)) (&& (== net462) (< net46)) (== netstandard2.0)
      System.Resources.ResourceManager (>= 4.3) - restriction: || (&& (== net452) (== net462)) (&& (== net452) (>= netstandard1.3)) (&& (== net462) (< net46)) (== netstandard2.0)
      System.Runtime (>= 4.3) - restriction: || (&& (== net452) (== net462)) (&& (== net452) (>= netstandard1.3)) (&& (== net462) (< net46)) (== netstandard2.0)
      System.Runtime.Extensions (>= 4.3) - restriction: || (&& (== net452) (== net462)) (&& (== net452) (>= netstandard1.3)) (&& (== net462) (< net46)) (== netstandard2.0)
      System.Threading (>= 4.3) - restriction: || (&& (== net452) (== net462)) (&& (== net452) (>= netstandard1.3)) (&& (== net462) (< net46)) (== netstandard2.0)
    System.Diagnostics.Tracing (4.3) - restriction: || (&& (== net452) (< net40) (>= netstandard1.6)) (&& (== net462) (< net40) (>= netstandard1.6)) (== netstandard2.0)
      Microsoft.NETCore.Platforms (>= 1.1) - restriction: || (&& (== net452) (< net45)) (&& (== net452) (< portable-net45+win8+wpa81)) (&& (== net462) (< net45)) (&& (== net462) (< portable-net45+win8+wpa81)) (== netstandard2.0)
      Microsoft.NETCore.Targets (>= 1.1) - restriction: || (&& (== net452) (< net45)) (&& (== net452) (< portable-net45+win8+wpa81)) (&& (== net462) (< net45)) (&& (== net462) (< portable-net45+win8+wpa81)) (== netstandard2.0)
      System.Runtime (>= 4.3) - restriction: || (&& (== net452) (< net45)) (&& (== net452) (< portable-net45+win8+wpa81)) (&& (== net462) (< net45)) (&& (== net462) (< portable-net45+win8+wpa81)) (== netstandard2.0)
    System.Dynamic.Runtime (4.3) - restriction: || (&& (== net452) (< net35) (>= netstandard1.6)) (&& (== net462) (< net35) (>= netstandard1.6)) (== netstandard2.0)
      System.Collections (>= 4.3) - restriction: || (&& (== net452) (< net45) (>= netstandard1.3)) (&& (== net452) (< portable-net45+win8+wp8+wpa81)) (&& (== net462) (< net45)) (&& (== net462) (< portable-net45+win8+wp8+wpa81)) (== netstandard2.0)
      System.Diagnostics.Debug (>= 4.3) - restriction: || (&& (== net452) (< net45) (>= netstandard1.3)) (&& (== net452) (< portable-net45+win8+wp8+wpa81)) (&& (== net462) (< net45)) (&& (== net462) (< portable-net45+win8+wp8+wpa81)) (== netstandard2.0)
      System.Linq (>= 4.3) - restriction: || (&& (== net452) (< net45) (>= netstandard1.3)) (&& (== net452) (< portable-net45+win8+wp8+wpa81)) (&& (== net462) (< net45)) (&& (== net462) (< portable-net45+win8+wp8+wpa81)) (== netstandard2.0)
      System.Linq.Expressions (>= 4.3) - restriction: || (&& (== net452) (< net45)) (&& (== net452) (< portable-net45+win8+wp8+wpa81)) (&& (== net462) (< net45)) (&& (== net462) (< portable-net45+win8+wp8+wpa81)) (== netstandard2.0)
      System.ObjectModel (>= 4.3) - restriction: || (&& (== net452) (< net45)) (&& (== net452) (< portable-net45+win8+wp8+wpa81)) (&& (== net462) (< net45)) (&& (== net462) (< portable-net45+win8+wp8+wpa81)) (== netstandard2.0)
      System.Reflection (>= 4.3) - restriction: || (&& (== net452) (< net45)) (&& (== net452) (< portable-net45+win8+wp8+wpa81)) (&& (== net462) (< net45)) (&& (== net462) (< portable-net45+win8+wp8+wpa81)) (== netstandard2.0)
      System.Reflection.Emit (>= 4.3) - restriction: || (&& (== net452) (< net45) (>= netstandard1.3)) (&& (== net462) (< net45)) (== netstandard2.0)
      System.Reflection.Emit.ILGeneration (>= 4.3) - restriction: || (&& (== net452) (< net45) (>= netstandard1.3)) (&& (== net462) (< net45)) (== netstandard2.0)
      System.Reflection.Primitives (>= 4.3) - restriction: || (&& (== net452) (< net45) (>= netstandard1.3)) (&& (== net462) (< net45)) (== netstandard2.0)
      System.Reflection.TypeExtensions (>= 4.3) - restriction: || (&& (== net452) (< net45) (>= netstandard1.3)) (&& (== net452) (< portable-net45+win8+wp8+wpa81)) (&& (== net462) (< net45)) (&& (== net462) (< portable-net45+win8+wp8+wpa81)) (== netstandard2.0)
      System.Resources.ResourceManager (>= 4.3) - restriction: || (&& (== net452) (< net45) (>= netstandard1.3)) (&& (== net452) (< portable-net45+win8+wp8+wpa81)) (&& (== net462) (< net45)) (&& (== net462) (< portable-net45+win8+wp8+wpa81)) (== netstandard2.0)
      System.Runtime (>= 4.3) - restriction: || (&& (== net452) (< net45)) (&& (== net452) (< portable-net45+win8+wp8+wpa81)) (&& (== net462) (< net45)) (&& (== net462) (< portable-net45+win8+wp8+wpa81)) (== netstandard2.0)
      System.Runtime.Extensions (>= 4.3) - restriction: || (&& (== net452) (< net45) (>= netstandard1.3)) (&& (== net452) (< portable-net45+win8+wp8+wpa81)) (&& (== net462) (< net45)) (&& (== net462) (< portable-net45+win8+wp8+wpa81)) (== netstandard2.0)
      System.Threading (>= 4.3) - restriction: || (&& (== net452) (< net45) (>= netstandard1.3)) (&& (== net452) (< portable-net45+win8+wp8+wpa81)) (&& (== net462) (< net45)) (&& (== net462) (< portable-net45+win8+wp8+wpa81)) (== netstandard2.0)
    System.Globalization (4.3) - restriction: || (&& (== net452) (< net40) (>= netstandard1.6)) (&& (== net462) (< net40) (>= netstandard1.6)) (== netstandard2.0)
      Microsoft.NETCore.Platforms (>= 1.1) - restriction: || (&& (== net452) (< net45)) (&& (== net452) (< portable-net45+win8+wp8+wpa81)) (&& (== net462) (< net45)) (&& (== net462) (< portable-net45+win8+wp8+wpa81)) (== netstandard2.0)
      Microsoft.NETCore.Targets (>= 1.1) - restriction: || (&& (== net452) (< net45)) (&& (== net452) (< portable-net45+win8+wp8+wpa81)) (&& (== net462) (< net45)) (&& (== net462) (< portable-net45+win8+wp8+wpa81)) (== netstandard2.0)
      System.Runtime (>= 4.3) - restriction: || (&& (== net452) (< net45)) (&& (== net452) (< portable-net45+win8+wp8+wpa81)) (&& (== net462) (< net45)) (&& (== net462) (< portable-net45+win8+wp8+wpa81)) (== netstandard2.0)
    System.Globalization.Extensions (4.3) - restriction: || (&& (== net452) (< net35) (>= netstandard1.6)) (&& (== net462) (< net35) (>= netstandard1.6)) (== netstandard2.0)
      Microsoft.NETCore.Platforms (>= 1.1) - restriction: || (&& (== net452) (== net462)) (&& (== net452) (>= netstandard1.3)) (&& (== net462) (< net46)) (== netstandard2.0)
      System.Globalization (>= 4.3) - restriction: || (&& (== net452) (== net462)) (&& (== net452) (>= netstandard1.3)) (&& (== net462) (< net46)) (== netstandard2.0)
      System.Resources.ResourceManager (>= 4.3) - restriction: || (&& (== net452) (== net462)) (&& (== net452) (>= netstandard1.3)) (&& (== net462) (< net46)) (== netstandard2.0)
      System.Runtime (>= 4.3) - restriction: || (&& (== net452) (== net462)) (&& (== net452) (>= netstandard1.3)) (&& (== net462) (< net46)) (== netstandard2.0)
      System.Runtime.Extensions (>= 4.3) - restriction: || (&& (== net452) (== net462)) (&& (== net452) (>= netstandard1.3)) (&& (== net462) (< net46)) (== netstandard2.0)
      System.Runtime.InteropServices (>= 4.3) - restriction: || (&& (== net452) (== net462)) (&& (== net452) (>= netstandard1.3)) (&& (== net462) (< net46)) (== netstandard2.0)
    System.IO (4.3) - restriction: || (&& (== net452) (< net45) (>= netstandard2.0)) (&& (== net462) (< net45) (>= netstandard2.0)) (== netstandard2.0)
      Microsoft.NETCore.Platforms (>= 1.1) - restriction: || (&& (== net452) (< net45)) (&& (== net452) (< portable-net45+win8+wp8+wpa81)) (&& (== net462) (< net45)) (&& (== net462) (< portable-net45+win8+wp8+wpa81)) (== netstandard2.0)
      Microsoft.NETCore.Targets (>= 1.1) - restriction: || (&& (== net452) (< net45)) (&& (== net452) (< portable-net45+win8+wp8+wpa81)) (&& (== net462) (< net45)) (&& (== net462) (< portable-net45+win8+wp8+wpa81)) (== netstandard2.0)
      System.Runtime (>= 4.3) - restriction: || (&& (== net452) (< net45)) (&& (== net452) (< portable-net45+win8+wp8+wpa81)) (&& (== net462) (< net45)) (&& (== net462) (< portable-net45+win8+wp8+wpa81)) (== netstandard2.0)
      System.Text.Encoding (>= 4.3) - restriction: || (&& (== net452) (< net45)) (&& (== net452) (< portable-net45+win8+wp8+wpa81)) (&& (== net462) (< net45)) (&& (== net462) (< portable-net45+win8+wp8+wpa81)) (== netstandard2.0)
      System.Threading.Tasks (>= 4.3) - restriction: || (&& (== net452) (< net45)) (&& (== net452) (< portable-net45+win8+wp8+wpa81)) (&& (== net462) (< net45)) (&& (== net462) (< portable-net45+win8+wp8+wpa81)) (== netstandard2.0)
    System.IO.FileSystem (4.3) - restriction: || (&& (== net452) (< net35) (>= netstandard1.6)) (&& (== net462) (< net35) (>= netstandard1.6)) (== netstandard2.0)
      Microsoft.NETCore.Platforms (>= 1.1) - restriction: || (&& (== net452) (== net462)) (&& (== net452) (>= netstandard1.3)) (&& (== net462) (< net46)) (== netstandard2.0)
      Microsoft.NETCore.Targets (>= 1.1) - restriction: || (&& (== net452) (== net462)) (&& (== net452) (>= netstandard1.3)) (&& (== net462) (< net46)) (== netstandard2.0)
      System.IO (>= 4.3) - restriction: || (&& (== net452) (== net462)) (&& (== net452) (>= netstandard1.3)) (&& (== net462) (< net46)) (== netstandard2.0)
      System.IO.FileSystem.Primitives (>= 4.3) - restriction: || (&& (== net452) (>= net46)) (&& (== net452) (>= netstandard1.3)) (== net462) (== netstandard2.0)
      System.Runtime (>= 4.3) - restriction: || (&& (== net452) (== net462)) (&& (== net452) (>= netstandard1.3)) (&& (== net462) (< net46)) (== netstandard2.0)
      System.Runtime.Handles (>= 4.3) - restriction: || (&& (== net452) (== net462)) (&& (== net452) (>= netstandard1.3)) (&& (== net462) (< net46)) (== netstandard2.0)
      System.Text.Encoding (>= 4.3) - restriction: || (&& (== net452) (== net462)) (&& (== net452) (>= netstandard1.3)) (&& (== net462) (< net46)) (== netstandard2.0)
      System.Threading.Tasks (>= 4.3) - restriction: || (&& (== net452) (== net462)) (&& (== net452) (>= netstandard1.3)) (&& (== net462) (< net46)) (== netstandard2.0)
    System.IO.FileSystem.Primitives (4.3) - restriction: || (&& (== net452) (< net35) (>= netstandard1.6)) (&& (== net462) (< net35) (>= netstandard1.6)) (== netstandard2.0)
      System.Runtime (>= 4.3) - restriction: || (&& (== net452) (== net462)) (&& (== net452) (>= netstandard1.3)) (&& (== net462) (< net46)) (== netstandard2.0)
    System.Linq (4.3) - restriction: || (&& (== net452) (< net35) (>= netstandard1.6)) (&& (== net462) (< net35) (>= netstandard1.6)) (== netstandard2.0)
      System.Collections (>= 4.3) - restriction: || (&& (== net452) (< net45)) (&& (== net452) (< portable-net45+win8+wp8+wpa81)) (&& (== net462) (< net45)) (&& (== net462) (< portable-net45+win8+wp8+wpa81)) (== netstandard2.0)
      System.Diagnostics.Debug (>= 4.3) - restriction: || (&& (== net452) (< net45) (>= netstandard1.6)) (&& (== net452) (< portable-net45+win8+wp8+wpa81)) (&& (== net462) (< net45) (>= netstandard1.6)) (&& (== net462) (< portable-net45+win8+wp8+wpa81)) (== netstandard2.0)
      System.Resources.ResourceManager (>= 4.3) - restriction: || (&& (== net452) (< net45) (>= netstandard1.6)) (&& (== net452) (< portable-net45+win8+wp8+wpa81)) (&& (== net462) (< net45) (>= netstandard1.6)) (&& (== net462) (< portable-net45+win8+wp8+wpa81)) (== netstandard2.0)
      System.Runtime (>= 4.3) - restriction: || (&& (== net452) (< net45)) (&& (== net452) (< portable-net45+win8+wp8+wpa81)) (&& (== net462) (< net45)) (&& (== net462) (< portable-net45+win8+wp8+wpa81)) (== netstandard2.0)
      System.Runtime.Extensions (>= 4.3) - restriction: || (&& (== net452) (< net45) (>= netstandard1.6)) (&& (== net452) (< portable-net45+win8+wp8+wpa81)) (&& (== net462) (< net45) (>= netstandard1.6)) (&& (== net462) (< portable-net45+win8+wp8+wpa81)) (== netstandard2.0)
    System.Linq.Expressions (4.3) - restriction: || (&& (== net452) (< net35) (>= netstandard1.6)) (&& (== net462) (< net35) (>= netstandard1.6)) (== netstandard2.0)
      System.Collections (>= 4.3) - restriction: || (&& (== net452) (< net45) (>= netstandard1.6)) (&& (== net452) (< portable-net45+win8+wp8+wpa81)) (&& (== net462) (< net45) (>= netstandard1.6)) (&& (== net462) (< portable-net45+win8+wp8+wpa81)) (== netstandard2.0)
      System.Diagnostics.Debug (>= 4.3) - restriction: || (&& (== net452) (< net45) (>= netstandard1.6)) (&& (== net452) (< portable-net45+win8+wp8+wpa81)) (&& (== net462) (< net45) (>= netstandard1.6)) (&& (== net462) (< portable-net45+win8+wp8+wpa81)) (== netstandard2.0)
      System.Globalization (>= 4.3) - restriction: || (&& (== net452) (< net45) (>= netstandard1.6)) (&& (== net452) (< portable-net45+win8+wp8+wpa81)) (&& (== net462) (< net45) (>= netstandard1.6)) (&& (== net462) (< portable-net45+win8+wp8+wpa81)) (== netstandard2.0)
      System.IO (>= 4.3) - restriction: || (&& (== net452) (< net45) (>= netstandard1.6)) (&& (== net452) (< portable-net45+win8+wp8+wpa81)) (&& (== net462) (< net45) (>= netstandard1.6)) (&& (== net462) (< portable-net45+win8+wp8+wpa81)) (== netstandard2.0)
      System.Linq (>= 4.3) - restriction: || (&& (== net452) (< net45) (>= netstandard1.6)) (&& (== net452) (< portable-net45+win8+wp8+wpa81)) (&& (== net462) (< net45) (>= netstandard1.6)) (&& (== net462) (< portable-net45+win8+wp8+wpa81)) (== netstandard2.0)
      System.ObjectModel (>= 4.3) - restriction: || (&& (== net452) (< net45) (>= netstandard1.6)) (&& (== net462) (< net45) (>= netstandard1.6)) (== netstandard2.0)
      System.Reflection (>= 4.3) - restriction: || (&& (== net452) (< net45)) (&& (== net452) (< portable-net45+win8+wp8+wpa81)) (&& (== net462) (< net45)) (&& (== net462) (< portable-net45+win8+wp8+wpa81)) (== netstandard2.0)
      System.Reflection.Emit (>= 4.3) - restriction: || (&& (== net452) (< net45) (>= netstandard1.6)) (&& (== net462) (< net45) (>= netstandard1.6)) (== netstandard2.0)
      System.Reflection.Emit.ILGeneration (>= 4.3) - restriction: || (&& (== net452) (< net45) (>= netstandard1.6)) (&& (== net452) (< portable-net45+win8+wp8+wpa81)) (&& (== net462) (< net45) (>= netstandard1.6)) (&& (== net462) (< portable-net45+win8+wp8+wpa81)) (== netstandard2.0)
      System.Reflection.Emit.Lightweight (>= 4.3) - restriction: || (&& (== net452) (< net45) (>= netstandard1.6)) (&& (== net452) (< portable-net45+win8+wp8+wpa81)) (&& (== net462) (< net45) (>= netstandard1.6)) (&& (== net462) (< portable-net45+win8+wp8+wpa81)) (== netstandard2.0)
      System.Reflection.Extensions (>= 4.3) - restriction: || (&& (== net452) (< net45) (>= netstandard1.6)) (&& (== net452) (< portable-net45+win8+wp8+wpa81)) (&& (== net462) (< net45) (>= netstandard1.6)) (&& (== net462) (< portable-net45+win8+wp8+wpa81)) (== netstandard2.0)
      System.Reflection.Primitives (>= 4.3) - restriction: || (&& (== net452) (< net45) (>= netstandard1.6)) (&& (== net452) (< portable-net45+win8+wp8+wpa81)) (&& (== net462) (< net45) (>= netstandard1.6)) (&& (== net462) (< portable-net45+win8+wp8+wpa81)) (== netstandard2.0)
      System.Reflection.TypeExtensions (>= 4.3) - restriction: || (&& (== net452) (< net45) (>= netstandard1.6)) (&& (== net452) (< portable-net45+win8+wp8+wpa81)) (&& (== net462) (< net45) (>= netstandard1.6)) (&& (== net462) (< portable-net45+win8+wp8+wpa81)) (== netstandard2.0)
      System.Resources.ResourceManager (>= 4.3) - restriction: || (&& (== net452) (< net45) (>= netstandard1.6)) (&& (== net452) (< portable-net45+win8+wp8+wpa81)) (&& (== net462) (< net45) (>= netstandard1.6)) (&& (== net462) (< portable-net45+win8+wp8+wpa81)) (== netstandard2.0)
      System.Runtime (>= 4.3) - restriction: || (&& (== net452) (< net45)) (&& (== net452) (< portable-net45+win8+wp8+wpa81)) (&& (== net462) (< net45)) (&& (== net462) (< portable-net45+win8+wp8+wpa81)) (== netstandard2.0)
      System.Runtime.Extensions (>= 4.3) - restriction: || (&& (== net452) (< net45) (>= netstandard1.6)) (&& (== net452) (< portable-net45+win8+wp8+wpa81)) (&& (== net462) (< net45) (>= netstandard1.6)) (&& (== net462) (< portable-net45+win8+wp8+wpa81)) (== netstandard2.0)
      System.Threading (>= 4.3) - restriction: || (&& (== net452) (< net45) (>= netstandard1.6)) (&& (== net452) (< portable-net45+win8+wp8+wpa81)) (&& (== net462) (< net45) (>= netstandard1.6)) (&& (== net462) (< portable-net45+win8+wp8+wpa81)) (== netstandard2.0)
    System.ObjectModel (4.3) - restriction: || (&& (== net452) (< net35) (>= netstandard1.6)) (&& (== net462) (< net35) (>= netstandard1.6)) (== netstandard2.0)
      System.Collections (>= 4.3) - restriction: || (&& (== net452) (< net45) (>= netstandard1.3)) (&& (== net452) (< portable-net45+win8+wp8+wpa81)) (&& (== net462) (< net45)) (&& (== net462) (< portable-net45+win8+wp8+wpa81)) (== netstandard2.0)
      System.Diagnostics.Debug (>= 4.3) - restriction: || (&& (== net452) (< net45) (>= netstandard1.3)) (&& (== net452) (< portable-net45+win8+wp8+wpa81)) (&& (== net462) (< net45)) (&& (== net462) (< portable-net45+win8+wp8+wpa81)) (== netstandard2.0)
      System.Resources.ResourceManager (>= 4.3) - restriction: || (&& (== net452) (< net45) (>= netstandard1.3)) (&& (== net452) (< portable-net45+win8+wp8+wpa81)) (&& (== net462) (< net45)) (&& (== net462) (< portable-net45+win8+wp8+wpa81)) (== netstandard2.0)
      System.Runtime (>= 4.3) - restriction: || (&& (== net452) (< net45)) (&& (== net452) (< portable-net45+win8+wp8+wpa81)) (&& (== net462) (< net45)) (&& (== net462) (< portable-net45+win8+wp8+wpa81)) (== netstandard2.0)
      System.Threading (>= 4.3) - restriction: || (&& (== net452) (< net45) (>= netstandard1.3)) (&& (== net452) (< portable-net45+win8+wp8+wpa81)) (&& (== net462) (< net45)) (&& (== net462) (< portable-net45+win8+wp8+wpa81)) (== netstandard2.0)
    System.Reactive (3.1.1)
      System.Reactive.PlatformServices (>= 3.1.1)
      System.Reactive.Windows.Threading (>= 3.1.1) - restriction: || (== net452) (== net462) (&& (== netstandard2.0) (>= net45)) (&& (== netstandard2.0) (>= win81)) (&& (== netstandard2.0) (>= wpa81))
    System.Reactive.Core (3.1.1) - restriction: || (== net452) (== net462) (&& (== netstandard2.0) (>= net45)) (&& (== netstandard2.0) (>= win81)) (&& (== netstandard2.0) (>= wpa81))
      System.Reactive.Interfaces (>= 3.1.1)
    System.Reactive.Interfaces (3.1.1) - restriction: || (== net452) (== net462) (&& (== netstandard2.0) (>= net45)) (&& (== netstandard2.0) (>= win81)) (&& (== netstandard2.0) (>= wpa81))
    System.Reactive.Linq (3.1.1)
      System.Reactive.Core (>= 3.1.1)
      System.Runtime.InteropServices.WindowsRuntime (>= 4.0.1) - restriction: || (&& (== net452) (< net45)) (&& (== net462) (< net45)) (== netstandard2.0)
    System.Reactive.PlatformServices (3.1.1)
      System.Reactive.Linq (>= 3.1.1)
    System.Reactive.Windows.Threading (3.1.1) - restriction: || (== net452) (== net462) (&& (== netstandard2.0) (>= net45)) (&& (== netstandard2.0) (>= win81)) (&& (== netstandard2.0) (>= wpa81))
      System.Reactive.Core (>= 3.1.1)
    System.Reflection (4.3) - restriction: || (&& (== net452) (< net40) (>= netstandard1.6)) (&& (== net462) (< net40) (>= netstandard1.6)) (== netstandard2.0)
      Microsoft.NETCore.Platforms (>= 1.1) - restriction: || (&& (== net452) (< net45)) (&& (== net452) (< portable-net45+win8+wp8+wpa81)) (&& (== net462) (< net45)) (&& (== net462) (< portable-net45+win8+wp8+wpa81)) (== netstandard2.0)
      Microsoft.NETCore.Targets (>= 1.1) - restriction: || (&& (== net452) (< net45)) (&& (== net452) (< portable-net45+win8+wp8+wpa81)) (&& (== net462) (< net45)) (&& (== net462) (< portable-net45+win8+wp8+wpa81)) (== netstandard2.0)
      System.IO (>= 4.3) - restriction: || (&& (== net452) (< net45)) (&& (== net452) (< portable-net45+win8+wp8+wpa81)) (&& (== net462) (< net45)) (&& (== net462) (< portable-net45+win8+wp8+wpa81)) (== netstandard2.0)
      System.Reflection.Primitives (>= 4.3) - restriction: || (&& (== net452) (< net45)) (&& (== net452) (< portable-net45+win8+wp8+wpa81)) (&& (== net462) (< net45)) (&& (== net462) (< portable-net45+win8+wp8+wpa81)) (== netstandard2.0)
      System.Runtime (>= 4.3) - restriction: || (&& (== net452) (< net45)) (&& (== net452) (< portable-net45+win8+wp8+wpa81)) (&& (== net462) (< net45)) (&& (== net462) (< portable-net45+win8+wp8+wpa81)) (== netstandard2.0)
    System.Reflection.Emit (4.3) - restriction: || (&& (== net452) (< net45) (>= netstandard2.0)) (&& (== net462) (< net45) (>= netstandard2.0)) (== netstandard2.0)
      System.IO (>= 4.3) - restriction: || (&& (== net452) (< net45)) (&& (== net462) (< net45)) (== netstandard2.0)
      System.Reflection (>= 4.3) - restriction: || (&& (== net452) (< net45)) (&& (== net462) (< net45)) (== netstandard2.0)
      System.Reflection.Emit.ILGeneration (>= 4.3) - restriction: || (&& (== net452) (< net45)) (&& (== net462) (< net45)) (== netstandard2.0)
      System.Reflection.Primitives (>= 4.3) - restriction: || (&& (== net452) (< net45)) (&& (== net462) (< net45)) (== netstandard2.0)
      System.Runtime (>= 4.3) - restriction: || (&& (== net452) (< net45)) (&& (== net462) (< net45)) (== netstandard2.0)
    System.Reflection.Emit.ILGeneration (4.3) - restriction: || (&& (== net452) (< net45) (>= netstandard2.0)) (&& (== net462) (< net45) (>= netstandard2.0)) (== netstandard2.0)
      System.Reflection (>= 4.3) - restriction: || (&& (== net452) (< net45)) (&& (== net462) (< net45)) (== netstandard2.0)
      System.Reflection.Primitives (>= 4.3) - restriction: || (&& (== net452) (< net45)) (&& (== net462) (< net45)) (== netstandard2.0)
      System.Runtime (>= 4.3) - restriction: || (&& (== net452) (< net45)) (&& (== net462) (< net45)) (== netstandard2.0)
    System.Reflection.Emit.Lightweight (4.3) - restriction: || (&& (== net452) (< net45) (>= netstandard1.4)) (&& (== net452) (< net45) (>= netstandard1.6)) (&& (== net452) (< net45) (>= netstandard2.0)) (&& (== net462) (< net45)) (== netstandard2.0)
      System.Reflection (>= 4.3) - restriction: || (&& (== net452) (< net45)) (&& (== net462) (< net45)) (== netstandard2.0)
      System.Reflection.Emit.ILGeneration (>= 4.3) - restriction: || (&& (== net452) (< net45)) (&& (== net462) (< net45)) (== netstandard2.0)
      System.Reflection.Primitives (>= 4.3) - restriction: || (&& (== net452) (< net45)) (&& (== net462) (< net45)) (== netstandard2.0)
      System.Runtime (>= 4.3) - restriction: || (&& (== net452) (< net45)) (&& (== net462) (< net45)) (== netstandard2.0)
    System.Reflection.Extensions (4.3) - restriction: || (&& (== net452) (< net35) (>= netstandard1.6)) (&& (== net462) (< net35) (>= netstandard1.6)) (== netstandard2.0)
      Microsoft.NETCore.Platforms (>= 1.1) - restriction: || (&& (== net452) (< net45)) (&& (== net452) (< portable-net45+win8+wp8+wpa81)) (&& (== net462) (< net45)) (&& (== net462) (< portable-net45+win8+wp8+wpa81)) (== netstandard2.0)
      Microsoft.NETCore.Targets (>= 1.1) - restriction: || (&& (== net452) (< net45)) (&& (== net452) (< portable-net45+win8+wp8+wpa81)) (&& (== net462) (< net45)) (&& (== net462) (< portable-net45+win8+wp8+wpa81)) (== netstandard2.0)
      System.Reflection (>= 4.3) - restriction: || (&& (== net452) (< net45)) (&& (== net452) (< portable-net45+win8+wp8+wpa81)) (&& (== net462) (< net45)) (&& (== net462) (< portable-net45+win8+wp8+wpa81)) (== netstandard2.0)
      System.Runtime (>= 4.3) - restriction: || (&& (== net452) (< net45)) (&& (== net452) (< portable-net45+win8+wp8+wpa81)) (&& (== net462) (< net45)) (&& (== net462) (< portable-net45+win8+wp8+wpa81)) (== netstandard2.0)
    System.Reflection.Primitives (4.3) - restriction: || (&& (== net452) (< net45) (>= netstandard2.0)) (&& (== net462) (< net45) (>= netstandard2.0)) (== netstandard2.0)
      Microsoft.NETCore.Platforms (>= 1.1) - restriction: || (&& (== net452) (< net45)) (&& (== net452) (< portable-net45+win8+wp8+wpa81)) (&& (== net462) (< net45)) (&& (== net462) (< portable-net45+win8+wp8+wpa81)) (== netstandard2.0)
      Microsoft.NETCore.Targets (>= 1.1) - restriction: || (&& (== net452) (< net45)) (&& (== net452) (< portable-net45+win8+wp8+wpa81)) (&& (== net462) (< net45)) (&& (== net462) (< portable-net45+win8+wp8+wpa81)) (== netstandard2.0)
      System.Runtime (>= 4.3) - restriction: || (&& (== net452) (< net45)) (&& (== net452) (< portable-net45+win8+wp8+wpa81)) (&& (== net462) (< net45)) (&& (== net462) (< portable-net45+win8+wp8+wpa81)) (== netstandard2.0)
    System.Reflection.TypeExtensions (4.4) - restriction: || (&& (== net452) (< net35) (>= netstandard1.6)) (&& (== net462) (< net35) (>= netstandard1.6)) (== netstandard2.0)
    System.Resources.ResourceManager (4.3) - restriction: || (&& (== net452) (< net40) (>= netstandard1.6)) (&& (== net462) (< net40) (>= netstandard1.6)) (== netstandard2.0)
      Microsoft.NETCore.Platforms (>= 1.1) - restriction: || (&& (== net452) (< net45)) (&& (== net452) (< portable-net45+win8+wp8+wpa81)) (&& (== net462) (< net45)) (&& (== net462) (< portable-net45+win8+wp8+wpa81)) (== netstandard2.0)
      Microsoft.NETCore.Targets (>= 1.1) - restriction: || (&& (== net452) (< net45)) (&& (== net452) (< portable-net45+win8+wp8+wpa81)) (&& (== net462) (< net45)) (&& (== net462) (< portable-net45+win8+wp8+wpa81)) (== netstandard2.0)
      System.Globalization (>= 4.3) - restriction: || (&& (== net452) (< net45)) (&& (== net452) (< portable-net45+win8+wp8+wpa81)) (&& (== net462) (< net45)) (&& (== net462) (< portable-net45+win8+wp8+wpa81)) (== netstandard2.0)
      System.Reflection (>= 4.3) - restriction: || (&& (== net452) (< net45)) (&& (== net452) (< portable-net45+win8+wp8+wpa81)) (&& (== net462) (< net45)) (&& (== net462) (< portable-net45+win8+wp8+wpa81)) (== netstandard2.0)
      System.Runtime (>= 4.3) - restriction: || (&& (== net452) (< net45)) (&& (== net452) (< portable-net45+win8+wp8+wpa81)) (&& (== net462) (< net45)) (&& (== net462) (< portable-net45+win8+wp8+wpa81)) (== netstandard2.0)
    System.Runtime (4.3) - restriction: || (&& (== net452) (< net40) (>= netstandard1.6)) (&& (== net462) (< net40) (>= netstandard1.6)) (== netstandard2.0)
      Microsoft.NETCore.Platforms (>= 1.1) - restriction: || (&& (== net452) (< net45)) (&& (== net452) (< portable-net45+win8+wp8+wpa81)) (&& (== net462) (< net45)) (&& (== net462) (< portable-net45+win8+wp8+wpa81)) (== netstandard2.0)
      Microsoft.NETCore.Targets (>= 1.1) - restriction: || (&& (== net452) (< net45)) (&& (== net452) (< portable-net45+win8+wp8+wpa81)) (&& (== net462) (< net45)) (&& (== net462) (< portable-net45+win8+wp8+wpa81)) (== netstandard2.0)
    System.Runtime.Extensions (4.3) - restriction: || (&& (== net452) (< net40) (>= netstandard1.6)) (&& (== net462) (< net40) (>= netstandard1.6)) (== netstandard2.0)
      Microsoft.NETCore.Platforms (>= 1.1) - restriction: || (&& (== net452) (< net45)) (&& (== net452) (< portable-net45+win8+wp8+wpa81)) (&& (== net462) (< net45)) (&& (== net462) (< portable-net45+win8+wp8+wpa81)) (== netstandard2.0)
      Microsoft.NETCore.Targets (>= 1.1) - restriction: || (&& (== net452) (< net45)) (&& (== net452) (< portable-net45+win8+wp8+wpa81)) (&& (== net462) (< net45)) (&& (== net462) (< portable-net45+win8+wp8+wpa81)) (== netstandard2.0)
      System.Runtime (>= 4.3) - restriction: || (&& (== net452) (< net45)) (&& (== net452) (< portable-net45+win8+wp8+wpa81)) (&& (== net462) (< net45)) (&& (== net462) (< portable-net45+win8+wp8+wpa81)) (== netstandard2.0)
    System.Runtime.Handles (4.3) - restriction: || (&& (== net452) (< net35) (>= netstandard1.6)) (&& (== net452) (>= netcoreapp1.1)) (&& (== net462) (< net35) (>= netstandard1.6)) (&& (== net462) (>= netcoreapp1.1)) (== netstandard2.0)
      Microsoft.NETCore.Platforms (>= 1.1) - restriction: || (&& (== net452) (== net462)) (&& (== net452) (>= netstandard1.3)) (&& (== net462) (< net46)) (== netstandard2.0)
      Microsoft.NETCore.Targets (>= 1.1) - restriction: || (&& (== net452) (== net462)) (&& (== net452) (>= netstandard1.3)) (&& (== net462) (< net46)) (== netstandard2.0)
      System.Runtime (>= 4.3) - restriction: || (&& (== net452) (== net462)) (&& (== net452) (>= netstandard1.3)) (&& (== net462) (< net46)) (== netstandard2.0)
    System.Runtime.InteropServices (4.3) - restriction: || (&& (== net452) (< net35) (>= netstandard1.6)) (&& (== net462) (< net35) (>= netstandard1.6)) (== netstandard2.0)
      Microsoft.NETCore.Platforms (>= 1.1) - restriction: || (&& (== net452) (< net45)) (&& (== net452) (>= netcoreapp1.1)) (&& (== net452) (< portable-net45+win8+wpa81)) (&& (== net462) (< net45)) (&& (== net462) (>= netcoreapp1.1)) (&& (== net462) (< portable-net45+win8+wpa81)) (== netstandard2.0)
      Microsoft.NETCore.Targets (>= 1.1) - restriction: || (&& (== net452) (< net45)) (&& (== net452) (>= netcoreapp1.1)) (&& (== net452) (< portable-net45+win8+wpa81)) (&& (== net462) (< net45)) (&& (== net462) (>= netcoreapp1.1)) (&& (== net462) (< portable-net45+win8+wpa81)) (== netstandard2.0)
      System.Reflection (>= 4.3) - restriction: || (&& (== net452) (< net45)) (&& (== net452) (>= netcoreapp1.1)) (&& (== net452) (< portable-net45+win8+wpa81)) (&& (== net462) (< net45)) (&& (== net462) (>= netcoreapp1.1)) (&& (== net462) (< portable-net45+win8+wpa81)) (== netstandard2.0)
      System.Reflection.Primitives (>= 4.3) - restriction: || (&& (== net452) (< net45)) (&& (== net452) (>= netcoreapp1.1)) (&& (== net452) (< portable-net45+win8+wpa81)) (&& (== net462) (< net45)) (&& (== net462) (>= netcoreapp1.1)) (&& (== net462) (< portable-net45+win8+wpa81)) (== netstandard2.0)
      System.Runtime (>= 4.3) - restriction: || (&& (== net452) (< net45)) (&& (== net452) (>= net462)) (&& (== net452) (>= netcoreapp1.1)) (&& (== net452) (< portable-net45+win8+wpa81)) (== net462) (== netstandard2.0)
      System.Runtime.Handles (>= 4.3) - restriction: || (&& (== net452) (< net45) (>= netstandard1.3)) (&& (== net452) (< net45) (>= netstandard1.5)) (&& (== net452) (>= netcoreapp1.1)) (&& (== net452) (< portable-net45+win8+wpa81)) (&& (== net462) (< net45)) (&& (== net462) (>= netcoreapp1.1)) (&& (== net462) (< portable-net45+win8+wpa81)) (== netstandard2.0)
    System.Runtime.InteropServices.RuntimeInformation (4.3) - restriction: || (&& (== net452) (< net40) (>= netstandard1.6)) (&& (== net462) (< net40) (>= netstandard1.6)) (== netstandard2.0)
      runtime.native.System (>= 4.3) - restriction: || (&& (== net452) (< net45)) (&& (== net462) (< net45)) (== netstandard2.0)
      System.Reflection (>= 4.3) - restriction: || (&& (== net452) (< net45)) (&& (== net452) (< netstandard1.1)) (&& (== net462) (< net45)) (&& (== net462) (< netstandard1.1)) (== netstandard2.0)
      System.Reflection.Extensions (>= 4.3) - restriction: || (&& (== net452) (< net45)) (&& (== net452) (< netstandard1.1)) (&& (== net462) (< net45)) (&& (== net462) (< netstandard1.1)) (== netstandard2.0)
      System.Resources.ResourceManager (>= 4.3) - restriction: || (&& (== net452) (< net45)) (&& (== net452) (< netstandard1.1)) (&& (== net462) (< net45)) (&& (== net462) (< netstandard1.1)) (== netstandard2.0)
      System.Runtime (>= 4.3) - restriction: || (&& (== net452) (< net45)) (&& (== net452) (< netstandard1.1)) (&& (== net462) (< net45)) (&& (== net462) (< netstandard1.1)) (== netstandard2.0)
      System.Runtime.InteropServices (>= 4.3) - restriction: || (&& (== net452) (< net45)) (&& (== net462) (< net45)) (== netstandard2.0)
      System.Threading (>= 4.3) - restriction: || (&& (== net452) (< net45)) (&& (== net452) (< netstandard1.1)) (&& (== net462) (< net45)) (&& (== net462) (< netstandard1.1)) (== netstandard2.0)
    System.Runtime.InteropServices.WindowsRuntime (4.3) - restriction: || (&& (== net452) (< net45)) (&& (== net462) (< net45)) (== netstandard2.0)
      System.Runtime (>= 4.3) - restriction: || (&& (== net452) (< net45)) (&& (== net452) (< portable-net45+win8+wp8+wpa81)) (&& (== net462) (< net45)) (&& (== net462) (< portable-net45+win8+wp8+wpa81)) (== netstandard2.0)
    System.Runtime.Loader (4.3) - restriction: || (&& (== net452) (< net20) (>= netstandard1.6)) (&& (== net462) (< net20) (>= netstandard1.6)) (== netstandard2.0)
      System.IO (>= 4.3) - restriction: || (&& (== net452) (== net462)) (&& (== net452) (>= netstandard1.5)) (== netstandard2.0)
      System.Reflection (>= 4.3) - restriction: || (&& (== net452) (== net462)) (&& (== net452) (>= netstandard1.5)) (== netstandard2.0)
      System.Runtime (>= 4.3) - restriction: || (&& (== net452) (== net462)) (&& (== net452) (>= netstandard1.5)) (== netstandard2.0)
    System.Security.Cryptography.ProtectedData (4.4) - restriction: || (&& (== net452) (< net45) (>= netstandard2.0)) (&& (== net452) (>= netcoreapp2.0)) (&& (== net462) (< net45) (>= netstandard2.0)) (&& (== net462) (>= netcoreapp2.0)) (== netstandard2.0)
    System.Text.Encoding (4.3) - restriction: || (&& (== net452) (< net35) (>= netstandard1.6)) (&& (== net462) (< net35) (>= netstandard1.6)) (== netstandard2.0)
      Microsoft.NETCore.Platforms (>= 1.1) - restriction: || (&& (== net452) (< net45)) (&& (== net452) (< portable-net45+win8+wp8+wpa81)) (&& (== net462) (< net45)) (&& (== net462) (< portable-net45+win8+wp8+wpa81)) (== netstandard2.0)
      Microsoft.NETCore.Targets (>= 1.1) - restriction: || (&& (== net452) (< net45)) (&& (== net452) (< portable-net45+win8+wp8+wpa81)) (&& (== net462) (< net45)) (&& (== net462) (< portable-net45+win8+wp8+wpa81)) (== netstandard2.0)
      System.Runtime (>= 4.3) - restriction: || (&& (== net452) (< net45)) (&& (== net452) (< portable-net45+win8+wp8+wpa81)) (&& (== net462) (< net45)) (&& (== net462) (< portable-net45+win8+wp8+wpa81)) (== netstandard2.0)
    System.Text.Encoding.Extensions (4.3) - restriction: || (&& (== net452) (< net35) (>= netstandard1.6)) (&& (== net462) (< net35) (>= netstandard1.6)) (== netstandard2.0)
      Microsoft.NETCore.Platforms (>= 1.1) - restriction: || (&& (== net452) (< net45)) (&& (== net452) (< portable-net45+win8+wp8+wpa81)) (&& (== net462) (< net45)) (&& (== net462) (< portable-net45+win8+wp8+wpa81)) (== netstandard2.0)
      Microsoft.NETCore.Targets (>= 1.1) - restriction: || (&& (== net452) (< net45)) (&& (== net452) (< portable-net45+win8+wp8+wpa81)) (&& (== net462) (< net45)) (&& (== net462) (< portable-net45+win8+wp8+wpa81)) (== netstandard2.0)
      System.Runtime (>= 4.3) - restriction: || (&& (== net452) (< net45)) (&& (== net452) (< portable-net45+win8+wp8+wpa81)) (&& (== net462) (< net45)) (&& (== net462) (< portable-net45+win8+wp8+wpa81)) (== netstandard2.0)
      System.Text.Encoding (>= 4.3) - restriction: || (&& (== net452) (< net45)) (&& (== net452) (< portable-net45+win8+wp8+wpa81)) (&& (== net462) (< net45)) (&& (== net462) (< portable-net45+win8+wp8+wpa81)) (== netstandard2.0)
    System.Text.RegularExpressions (4.3) - restriction: || (&& (== net452) (< net35) (>= netstandard1.6)) (&& (== net462) (< net35) (>= netstandard1.6)) (== netstandard2.0)
      System.Collections (>= 4.3) - restriction: || (&& (== net452) (< net45) (>= netstandard1.6)) (&& (== net452) (< portable-net45+win8+wp8+wpa81)) (&& (== net462) (< net45) (>= netstandard1.6)) (&& (== net462) (< portable-net45+win8+wp8+wpa81)) (== netstandard2.0)
      System.Globalization (>= 4.3) - restriction: || (&& (== net452) (< net45) (>= netstandard1.6)) (&& (== net452) (< portable-net45+win8+wp8+wpa81)) (&& (== net462) (< net45) (>= netstandard1.6)) (&& (== net462) (< portable-net45+win8+wp8+wpa81)) (== netstandard2.0)
      System.Resources.ResourceManager (>= 4.3) - restriction: || (&& (== net452) (< net45) (>= netstandard1.6)) (&& (== net452) (< portable-net45+win8+wp8+wpa81)) (&& (== net462) (< net45) (>= netstandard1.6)) (&& (== net462) (< portable-net45+win8+wp8+wpa81)) (== netstandard2.0)
      System.Runtime (>= 4.3) - restriction: || (&& (== net452) (< net45)) (&& (== net452) (>= netcoreapp1.1)) (&& (== net452) (< portable-net45+win8+wp8+wpa81)) (&& (== net462) (< net45)) (&& (== net462) (>= netcoreapp1.1)) (&& (== net462) (< portable-net45+win8+wp8+wpa81)) (== netstandard2.0)
      System.Runtime.Extensions (>= 4.3) - restriction: || (&& (== net452) (< net45) (>= netstandard1.6)) (&& (== net452) (< portable-net45+win8+wp8+wpa81)) (&& (== net462) (< net45) (>= netstandard1.6)) (&& (== net462) (< portable-net45+win8+wp8+wpa81)) (== netstandard2.0)
      System.Threading (>= 4.3) - restriction: || (&& (== net452) (< net45) (>= netstandard1.6)) (&& (== net452) (< portable-net45+win8+wp8+wpa81)) (&& (== net462) (< net45) (>= netstandard1.6)) (&& (== net462) (< portable-net45+win8+wp8+wpa81)) (== netstandard2.0)
    System.Threading (4.3) - restriction: || (&& (== net452) (< net40) (>= netstandard1.6)) (&& (== net462) (< net40) (>= netstandard1.6)) (== netstandard2.0)
      System.Runtime (>= 4.3) - restriction: || (&& (== net452) (< net45)) (&& (== net452) (< portable-net45+win8+wp8+wpa81)) (&& (== net462) (< net45)) (&& (== net462) (< portable-net45+win8+wp8+wpa81)) (== netstandard2.0)
      System.Threading.Tasks (>= 4.3) - restriction: || (&& (== net452) (< net45)) (&& (== net452) (< portable-net45+win8+wp8+wpa81)) (&& (== net462) (< net45)) (&& (== net462) (< portable-net45+win8+wp8+wpa81)) (== netstandard2.0)
    System.Threading.Tasks (4.3) - restriction: || (&& (== net452) (< net40) (>= netstandard1.6)) (&& (== net462) (< net40) (>= netstandard1.6)) (== netstandard2.0)
      Microsoft.NETCore.Platforms (>= 1.1) - restriction: || (&& (== net452) (< net45)) (&& (== net452) (< portable-net45+win8+wp8+wpa81)) (&& (== net462) (< net45)) (&& (== net462) (< portable-net45+win8+wp8+wpa81)) (== netstandard2.0)
      Microsoft.NETCore.Targets (>= 1.1) - restriction: || (&& (== net452) (< net45)) (&& (== net452) (< portable-net45+win8+wp8+wpa81)) (&& (== net462) (< net45)) (&& (== net462) (< portable-net45+win8+wp8+wpa81)) (== netstandard2.0)
      System.Runtime (>= 4.3) - restriction: || (&& (== net452) (< net45)) (&& (== net452) (< portable-net45+win8+wp8+wpa81)) (&& (== net462) (< net45)) (&& (== net462) (< portable-net45+win8+wp8+wpa81)) (== netstandard2.0)
    System.Threading.Tasks.Extensions (4.4) - restriction: || (&& (== net452) (< net35) (>= netstandard1.6)) (&& (== net462) (< net35) (>= netstandard1.6)) (== netstandard2.0)
    System.Threading.Thread (4.3) - restriction: || (&& (== net452) (< net20) (>= netstandard1.6)) (&& (== net462) (< net20) (>= netstandard1.6)) (== netstandard2.0)
      System.Runtime (>= 4.3) - restriction: || (&& (== net452) (== net462)) (&& (== net452) (>= netstandard1.3)) (&& (== net462) (< net46)) (== netstandard2.0)
    System.ValueTuple (4.4) - restriction: || (== net452) (== net462) (&& (== netstandard2.0) (< netstandard1.6))
      NETStandard.Library (>= 1.6.1) - restriction: || (== net452) (&& (== net462) (== netstandard2.0)) (&& (== net462) (< net461))
    System.Xml.ReaderWriter (4.3.1) - restriction: || (&& (== net452) (< net35) (>= netstandard1.6)) (&& (== net462) (< net35) (>= netstandard1.6)) (== netstandard2.0)
      System.Collections (>= 4.3) - restriction: || (&& (== net452) (< net45) (>= netstandard1.3)) (&& (== net452) (< portable-net45+win8+wp8+wpa81)) (&& (== net462) (< net45)) (&& (== net462) (< portable-net45+win8+wp8+wpa81)) (== netstandard2.0)
      System.Diagnostics.Debug (>= 4.3) - restriction: || (&& (== net452) (< net45) (>= netstandard1.3)) (&& (== net452) (< portable-net45+win8+wp8+wpa81)) (&& (== net462) (< net45)) (&& (== net462) (< portable-net45+win8+wp8+wpa81)) (== netstandard2.0)
      System.Globalization (>= 4.3) - restriction: || (&& (== net452) (< net45) (>= netstandard1.3)) (&& (== net452) (< portable-net45+win8+wp8+wpa81)) (&& (== net462) (< net45)) (&& (== net462) (< portable-net45+win8+wp8+wpa81)) (== netstandard2.0)
      System.IO (>= 4.3) - restriction: || (&& (== net452) (< net45)) (&& (== net452) (< portable-net45+win8+wp8+wpa81)) (&& (== net462) (< net45)) (&& (== net462) (< portable-net45+win8+wp8+wpa81)) (== netstandard2.0)
      System.IO.FileSystem (>= 4.3) - restriction: || (&& (== net452) (< net45) (>= netstandard1.3)) (&& (== net452) (< portable-net45+win8+wp8+wpa81)) (&& (== net462) (< net45)) (&& (== net462) (< portable-net45+win8+wp8+wpa81)) (== netstandard2.0)
      System.IO.FileSystem.Primitives (>= 4.3) - restriction: || (&& (== net452) (< net45) (>= netstandard1.3)) (&& (== net452) (< portable-net45+win8+wp8+wpa81)) (&& (== net462) (< net45)) (&& (== net462) (< portable-net45+win8+wp8+wpa81)) (== netstandard2.0)
      System.Resources.ResourceManager (>= 4.3) - restriction: || (&& (== net452) (< net45) (>= netstandard1.3)) (&& (== net452) (< portable-net45+win8+wp8+wpa81)) (&& (== net462) (< net45)) (&& (== net462) (< portable-net45+win8+wp8+wpa81)) (== netstandard2.0)
      System.Runtime (>= 4.3) - restriction: || (&& (== net452) (< net45)) (&& (== net452) (< portable-net45+win8+wp8+wpa81)) (&& (== net462) (< net45)) (&& (== net462) (< portable-net45+win8+wp8+wpa81)) (== netstandard2.0)
      System.Runtime.Extensions (>= 4.3) - restriction: || (&& (== net452) (< net45) (>= netstandard1.3)) (&& (== net452) (< portable-net45+win8+wp8+wpa81)) (&& (== net462) (< net45)) (&& (== net462) (< portable-net45+win8+wp8+wpa81)) (== netstandard2.0)
      System.Runtime.InteropServices (>= 4.3) - restriction: || (&& (== net452) (< net45) (>= netstandard1.3)) (&& (== net452) (< portable-net45+win8+wp8+wpa81)) (&& (== net462) (< net45)) (&& (== net462) (< portable-net45+win8+wp8+wpa81)) (== netstandard2.0)
      System.Text.Encoding (>= 4.3) - restriction: || (&& (== net452) (< net45)) (&& (== net452) (< portable-net45+win8+wp8+wpa81)) (&& (== net462) (< net45)) (&& (== net462) (< portable-net45+win8+wp8+wpa81)) (== netstandard2.0)
      System.Text.Encoding.Extensions (>= 4.3) - restriction: || (&& (== net452) (< net45) (>= netstandard1.3)) (&& (== net452) (< portable-net45+win8+wp8+wpa81)) (&& (== net462) (< net45)) (&& (== net462) (< portable-net45+win8+wp8+wpa81)) (== netstandard2.0)
      System.Text.RegularExpressions (>= 4.3) - restriction: || (&& (== net452) (< net45) (>= netstandard1.3)) (&& (== net452) (< portable-net45+win8+wp8+wpa81)) (&& (== net462) (< net45)) (&& (== net462) (< portable-net45+win8+wp8+wpa81)) (== netstandard2.0)
      System.Threading.Tasks (>= 4.3) - restriction: || (&& (== net452) (< net45)) (&& (== net452) (< portable-net45+win8+wp8+wpa81)) (&& (== net462) (< net45)) (&& (== net462) (< portable-net45+win8+wp8+wpa81)) (== netstandard2.0)
      System.Threading.Tasks.Extensions (>= 4.3) - restriction: || (&& (== net452) (< net45) (>= netstandard1.3)) (&& (== net452) (< portable-net45+win8+wp8+wpa81)) (&& (== net462) (< net45)) (&& (== net462) (< portable-net45+win8+wp8+wpa81)) (== netstandard2.0)
    System.Xml.XmlDocument (4.3) - restriction: || (&& (== net452) (< net35) (>= netstandard1.6)) (&& (== net462) (< net35) (>= netstandard1.6)) (== netstandard2.0)
      System.Collections (>= 4.3) - restriction: || (&& (== net452) (== net462)) (&& (== net452) (>= netstandard1.3)) (&& (== net462) (< net46)) (== netstandard2.0)
      System.Diagnostics.Debug (>= 4.3) - restriction: || (&& (== net452) (== net462)) (&& (== net452) (>= netstandard1.3)) (&& (== net462) (< net46)) (== netstandard2.0)
      System.Globalization (>= 4.3) - restriction: || (&& (== net452) (== net462)) (&& (== net452) (>= netstandard1.3)) (&& (== net462) (< net46)) (== netstandard2.0)
      System.IO (>= 4.3) - restriction: || (&& (== net452) (== net462)) (&& (== net452) (>= netstandard1.3)) (&& (== net462) (< net46)) (== netstandard2.0)
      System.Resources.ResourceManager (>= 4.3) - restriction: || (&& (== net452) (== net462)) (&& (== net452) (>= netstandard1.3)) (&& (== net462) (< net46)) (== netstandard2.0)
      System.Runtime (>= 4.3) - restriction: || (&& (== net452) (== net462)) (&& (== net452) (>= netstandard1.3)) (&& (== net462) (< net46)) (== netstandard2.0)
      System.Runtime.Extensions (>= 4.3) - restriction: || (&& (== net452) (== net462)) (&& (== net452) (>= netstandard1.3)) (&& (== net462) (< net46)) (== netstandard2.0)
      System.Text.Encoding (>= 4.3) - restriction: || (&& (== net452) (== net462)) (&& (== net452) (>= netstandard1.3)) (&& (== net462) (< net46)) (== netstandard2.0)
      System.Threading (>= 4.3) - restriction: || (&& (== net452) (== net462)) (&& (== net452) (>= netstandard1.3)) (&& (== net462) (< net46)) (== netstandard2.0)
      System.Xml.ReaderWriter (>= 4.3) - restriction: || (&& (== net452) (== net462)) (&& (== net452) (>= netstandard1.3)) (&& (== net462) (< net46)) (== netstandard2.0)
